{
  "AcquisitionMatrixPE": 128,
  "AcquisitionNumber": 1,
  "AcquisitionTime": "19:13:13.685000",
  "BaseResolution": 256,
  "BodyPartExamined": "HEAD",
  "ConversionSoftware": "dcm2niix",
  "ConversionSoftwareVersion": "v1.0.20171017 GCC6.3.0",
  "DeviceSerialNumber": "35177",
  "DwellTime": 9.8e-06,
  "EchoTime": 0.084,
  "EchoTrainLength": 17,
  "FlipAngle": 120,
  "ImageOrientationPatientDICOM": [0.99302, 0.117919, 0.00260985, -0.116523, 0.977356, 0.176629],
  "ImageType": [
    "ORIGINAL",
    "PRIMARY",
    "M",
    "ND",
    "NORM"
],
  "InPlanePhaseEncodingDirectionDICOM": "COL",
  "InstitutionAddress": "Scott_Ave._4525_St._Louis_MO_US_63110",
  "InstitutionName": "Washington_University",
  "InstitutionalDepartmentName": "Department",
  "MRAcquisitionType": "2D",
  "MagneticFieldStrength": 3,
  "Manufacturer": "Siemens",
  "ManufacturersModelName": "TrioTim",
  "Modality": "MR",
  "ParallelReductionFactorInPlane": 3,
  "PartialFourier": 1,
  "PatientPosition": "HFS",
  "PercentPhaseFOV": 100,
  "PhaseEncodingDirection": "j-",
  "PhaseEncodingSteps": 128,
  "PhaseResolution": 0.5,
  "PixelBandwidth": 199,
  "ProcedureStepDescription": "head_GREENE",
  "ProtocolName": "T2_weighted",
  "PulseSequenceDetails": "%SiemensSeq%_tse",
  "ReceiveCoilName": "HeadMatrix",
  "ReconMatrixPE": 256,
  "RepetitionTime": 6.8,
  "SAR": 0.550132,
  "ScanningSequence": "SE",
  "SequenceName": "_tse2d1_17",
  "SequenceVariant": "SK_SP",
  "SeriesDescription": "T2_weighted",
  "SeriesNumber": 4,
  "ShimSetting": [-241, -19575, 7928, 165, -8, -234, 278, -90],
  "SliceThickness": 4,
  "SoftwareVersions": "syngo_MR_B17",
  "SpacingBetweenSlices": 4,
  "StationName": "MRC35177",
  "TxRefAmp": 349.898,
  "dcmmeta_affine": [
    [-0.9930198192596436, -0.11652269959449768, -0.07310867309570312, 137.99957275390625],
    [-0.11791852861642838, 0.97735595703125, 0.7027988433837891, -108.77190399169922],
    [0.002609849441796541, -0.1766289472579956, 3.9370956420898438, -6.683640003204346],
    [0.0, 0.0, 0.0, 1.0]
],
  "dcmmeta_reorient_transform": [
    [0.0, -1.0, 0.0, 255.0],
    [1.0, 0.0, 0.0, 0.0],
    [0.0, 0.0, -1.0, 31.0],
    [0.0, 0.0, 0.0, 1.0]
],
  "dcmmeta_shape": [256, 256, 32],
  "dcmmeta_slice_dim": 2,
  "dcmmeta_version": 0.6,
  "global": {
    "const": {
      "AccessionNumber": ".",
      "AcquisitionMatrix": [256, 0, 0, 128],
      "AcquisitionNumber": 1,
      "AngioFlag": "N",
      "BitsAllocated": 16,
      "BitsStored": 12,
      "BodyPartExamined": "HEAD",
      "Columns": 256,
      "DeidentificationMethodCodeSequence": [
        {
          "CodeMeaning": "XNAT Edit Script",
          "CodeValue": "625500",
          "CodingSchemeDesignator": "XNAT",
          "CodingSchemeVersion": "0.1"}
],
      "EchoNumbers": 1,
      "EchoTime": 84.0,
      "EchoTrainLength": 17,
      "FlipAngle": 120.0,
      "HighBit": 11,
      "ImageOrientationPatient": [0.99301984298944, 0.11791853168612, 0.00260984946154, -0.1165227015625, 0.97735596088275, 0.17662894934732],
      "ImageType": [
        "ORIGINAL",
        "PRIMARY",
        "M",
        "ND",
        "NORM"
],
      "ImagedNucleus": "1H",
      "ImagingFrequency": 123.255886,
      "InPlanePhaseEncodingDirection": "COL",
      "MRAcquisitionType": "2D",
      "MagneticFieldStrength": 3.0,
      "Manufacturer": "SIEMENS",
      "ManufacturerModelName": "TrioTim",
      "Modality": "MR",
      "NumberOfAverages": 1.0,
      "NumberOfPhaseEncodingSteps": 128,
      "PercentPhaseFieldOfView": 100.0,
      "PercentSampling": 50.0,
      "PerformedProcedureStepStartTime": "191036.421000",
      "PhotometricInterpretation": "MONOCHROME2",
      "PixelBandwidth": 199.0,
      "PixelRepresentation": 0,
      "PixelSpacing": [1.0, 1.0],
      "PositionReferenceIndicator": "",
      "ProtocolName": "T2 weighted",
      "RepetitionTime": 6800.0,
      "Rows": 256,
      "SAR": 0.55013192626288,
      "SamplesPerPixel": 1,
      "ScanningSequence": "SE",
      "SequenceName": "*tse2d1_17",
      "SequenceVariant": [
        "SK",
        "SP"
],
      "SeriesDescription": "T2 weighted",
      "SeriesNumber": 4,
      "SeriesTime": "191331.500000",
      "SliceThickness": 4.0,
      "SmallestImagePixelValue": 0,
      "SoftwareVersions": "syngo MR B17",
      "SpacingBetweenSlices": 4.0,
      "SpecificCharacterSet": "ISO_IR 100",
      "StudyID": "1",
      "StudyTime": "191036.359000",
      "TransmitCoilName": "Body",
      "VariableFlipAngleFlag": "N",
      "WindowCenterWidthExplanation": "Algo1",
      "dBdt": 0.0},
