{
  "AcquisitionMatrixPE": 258,
  "AcquisitionNumber": 1,
  "AcquisitionTime": "13:57:49.082500",
  "BaseResolution": 256,
  "BodyPartExamined": "HEAD",
  "ConversionSoftware": "dcm2niix",
  "ConversionSoftwareVersion": "v1.0.20171017 GCC6.3.0",
  "DeviceSerialNumber": "35177",
  "EchoTime": 0.479,
  "EchoTrainLength": 141,
  "FlipAngle": 120,
  "ImageOrientationPatientDICOM": [-0.0405324, 0.965817, 0.256036, 0.077837, 0.25852, -0.962865],
  "ImageType": [
    "ORIGINAL",
    "PRIMARY",
    "M",
    "ND",
    "NORM"
],
  "InPlanePhaseEncodingDirectionDICOM": "ROW",
  "InstitutionAddress": "Scott_Ave._4525_St._Louis_MO_US_63110",
  "InstitutionName": "Washington_University",
  "MRAcquisitionType": "3D",
  "MagneticFieldStrength": 3,
  "Manufacturer": "Siemens",
  "ManufacturersModelName": "TrioTim",
  "Modality": "MR",
  "ParallelReductionFactorInPlane": 2,
  "PartialFourier": 1,
  "PatientPosition": "HFS",
  "PercentPhaseFOV": 100,
  "PhaseEncodingSteps": 246,
  "PhaseResolution": 1.00781,
  "PixelBandwidth": 751,
  "ProcedureStepDescription": "head_GREENE",
  "ProtocolName": "T2_.8x.8x.8_224Slices",
  "PulseSequenceDetails": "%SiemensSeq%_tse_vfl",
  "ReceiveCoilName": "HeadMatrix",
  "ReconMatrixPE": 256,
  "RepetitionTime": 3.2,
  "SAR": 0.203945,
  "ScanOptions": "PFP",
  "ScanningSequence": "SE",
  "SequenceName": "_spc3d1_282ns",
  "SequenceVariant": "SK_SP",
  "SeriesDescription": "T2_.8x.8x.8_224Slices",
  "SeriesNumber": 16,
  "ShimSetting": [-199, -19502, 7925, 288, -68, -503, 307, 95],
  "SliceThickness": 0.8,
  "SoftwareVersions": "syngo_MR_B17",
  "StationName": "MRC35177",
  "TxRefAmp": 324.939,
  "dcmmeta_affine": [
    [0.796500027179718, -0.03245757520198822, 0.06233039125800133, -85.20806884765625],
    [0.01600000075995922, 0.7734078764915466, 0.2070178985595703, -116.70957946777344],
    [-0.06859999895095825, -0.20502875745296478, 0.7710440158843994, -66.23318481445312],
    [0.0, 0.0, 0.0, 1.0]
],
  "dcmmeta_reorient_transform": [
    [0.0, 0.0, -1.0, 255.0],
    [0.0, -1.0, 0.0, 255.0],
    [-1.0, 0.0, 0.0, 223.0],
    [0.0, 0.0, 0.0, 1.0]
],
  "dcmmeta_shape": [224, 256, 256],
  "dcmmeta_slice_dim": 0,
  "dcmmeta_version": 0.6,
  "global": {
    "const": {
      "AccessionNumber": ".",
      "AcquisitionMatrix": [0, 256, 258, 0],
      "AcquisitionNumber": 1,
      "AcquisitionTime": "135749.082500",
      "AngioFlag": "N",
      "BitsAllocated": 16,
      "BitsStored": 12,
      "BodyPartExamined": "HEAD",
      "Columns": 256,
      "DeidentificationMethodCodeSequence": [
        {
          "CodeMeaning": "XNAT Edit Script",
          "CodeValue": "625500",
          "CodingSchemeDesignator": "XNAT",
          "CodingSchemeVersion": "0.1"}
],
      "EchoNumbers": 1,
      "EchoTime": 479.0,
      "EchoTrainLength": 141,
      "FlipAngle": 120.0,
      "HighBit": 11,
      "ImageOrientationPatient": [-0.0405324, 0.965817, 0.256036, 0.077837, 0.25852, -0.962865],
      "ImageType": [
        "ORIGINAL",
        "PRIMARY",
        "M",
        "ND",
        "NORM"
],
      "ImagedNucleus": "1H",
      "ImagingFrequency": 123.256,
      "InPlanePhaseEncodingDirection": "ROW",
      "MRAcquisitionType": "3D",
      "MagneticFieldStrength": 3.0,
      "Manufacturer": "SIEMENS",
      "ManufacturerModelName": "TrioTim",
      "Modality": "MR",
      "NumberOfAverages": 1.0,
      "NumberOfFrames": 1,
      "NumberOfPhaseEncodingSteps": 246,
      "PercentPhaseFieldOfView": 100.0,
      "PercentSampling": 100.781,
      "PerformedProcedureStepStartTime": "124343.234000",
      "PhotometricInterpretation": "MONOCHROME2",
      "PixelBandwidth": 751.0,
      "PixelRepresentation": 0,
      "PixelSpacing": [0.800781, 0.800781],
      "ProtocolName": "T2_.8x.8x.8_224Slices",
      "RepetitionTime": 3200.0,
      "Rows": 256,
      "SAR": 0.203945,
      "SamplesPerPixel": 1,
      "ScanOptions": "PFP",
      "ScanningSequence": "SE",
      "SequenceName": "*spc3d1_282ns",
      "SequenceVariant": [
        "SK",
        "SP"
],
      "SeriesDescription": "T2_.8x.8x.8_224Slices",
      "SeriesNumber": 16,
      "SeriesTime": "140303.296000",
      "SliceThickness": 0.8,
      "SoftwareVersions": "syngo MR B17",
      "SpecificCharacterSet": "ISO_IR 100",
      "StudyID": "2",
      "StudyTime": "124343.203000",
      "TransmitCoilName": "Body",
      "VariableFlipAngleFlag": "Y",
      "dBdt": 0.0},
