{
  "AcquisitionMatrixPE": 258,
  "AcquisitionNumber": 1,
  "AcquisitionTime": "17:43:18.480000",
  "BaseResolution": 256,
  "BodyPartExamined": "HEAD",
  "ConversionSoftware": "dcm2niix",
  "ConversionSoftwareVersion": "v1.0.20171017 GCC6.3.0",
  "DeviceSerialNumber": "35177",
  "DwellTime": 2.6e-06,
  "EchoTime": 0.479,
  "EchoTrainLength": 141,
  "FlipAngle": 120,
  "ImageOrientationPatientDICOM": [0.0942729, 0.900752, 0.423979, 0.121454, 0.412289, -0.902921],
  "ImageType": [
    "ORIGINAL",
    "PRIMARY",
    "M",
    "ND",
    "NORM"
],
  "InPlanePhaseEncodingDirectionDICOM": "ROW",
  "InstitutionAddress": "Scott_Ave._4525_St._Louis_MO_US_63110",
  "InstitutionName": "Washington_University",
  "InstitutionalDepartmentName": "Department",
  "MRAcquisitionType": "3D",
  "MagneticFieldStrength": 3,
  "Manufacturer": "Siemens",
  "ManufacturersModelName": "TrioTim",
  "Modality": "MR",
  "ParallelReductionFactorInPlane": 2,
  "PartialFourier": 1,
  "PatientPosition": "HFS",
  "PercentPhaseFOV": 100,
  "PhaseEncodingSteps": 246,
  "PhaseResolution": 1.00781,
  "PixelBandwidth": 751,
  "ProcedureStepDescription": "head_GREENE",
  "ProtocolName": "T2_.8x.8x.8_224Slices",
  "PulseSequenceDetails": "%SiemensSeq%_tse_vfl",
  "ReceiveCoilName": "HeadMatrix",
  "ReconMatrixPE": 256,
  "RepetitionTime": 3.2,
  "SAR": 0.264459,
  "ScanOptions": "PFP",
  "ScanningSequence": "SE",
  "SequenceName": "_spc3d1_282ns",
  "SequenceVariant": "SK_SP",
  "SeriesDescription": "T2_.8x.8x.8_224Slices",
  "SeriesNumber": 15,
  "ShimSetting": [-188, -19717, 8039, 481, 40, -828, 498, 181],
  "SliceThickness": 0.8,
  "SoftwareVersions": "syngo_MR_B17",
  "StationName": "MRC35177",
  "TxRefAmp": 327.701,
  "dcmmeta_affine": [
    [0.790488064289093, 0.07549196481704712, 0.09725800901651382, -107.25875854492188],
    [-0.10929195582866669, 0.721305251121521, 0.3301534056663513, -122.5645751953125],
    [-0.05642571672797203, -0.339514821767807, 0.7230423092842102, -8.813850402832031],
    [0.0, 0.0, 0.0, 1.0]
],
  "dcmmeta_reorient_transform": [
    [0.0, 0.0, -1.0, 255.0],
    [0.0, -1.0, 0.0, 255.0],
    [-1.0, 0.0, 0.0, 223.0],
    [0.0, 0.0, 0.0, 1.0]
],
  "dcmmeta_shape": [224, 256, 256],
  "dcmmeta_slice_dim": 0,
  "dcmmeta_version": 0.6,
  "global": {
    "const": {
      "AccessionNumber": ".",
      "AcquisitionMatrix": [0, 256, 258, 0],
      "AcquisitionNumber": 1,
      "AcquisitionTime": "174318.480000",
      "AngioFlag": "N",
      "BitsAllocated": 16,
      "BitsStored": 12,
      "BodyPartExamined": "HEAD",
      "Columns": 256,
      "DeidentificationMethodCodeSequence": [
        {
          "CodeMeaning": "XNAT Edit Script",
          "CodeValue": "625500",
          "CodingSchemeDesignator": "XNAT",
          "CodingSchemeVersion": "0.1"}
],
      "EchoNumbers": 1,
      "EchoTime": 479.0,
      "EchoTrainLength": 141,
      "FlipAngle": 120.0,
      "HighBit": 11,
      "ImageOrientationPatient": [0.09427289070149, 0.90075191929887, 0.42397948294486, 0.12145390261755, 0.41228914032869, -0.9029211561958],
      "ImageType": [
        "ORIGINAL",
        "PRIMARY",
        "M",
        "ND",
        "NORM"
],
      "ImagedNucleus": "1H",
      "ImagingFrequency": 123.255801,
      "InPlanePhaseEncodingDirection": "ROW",
      "MRAcquisitionType": "3D",
      "MagneticFieldStrength": 3.0,
      "Manufacturer": "SIEMENS",
      "ManufacturerModelName": "TrioTim",
      "Modality": "MR",
      "NumberOfAverages": 1.0,
      "NumberOfPhaseEncodingSteps": 246,
      "PercentPhaseFieldOfView": 100.0,
      "PercentSampling": 100.7813,
      "PerformedProcedureStepStartTime": "162758.078000",
      "PhotometricInterpretation": "MONOCHROME2",
      "PixelBandwidth": 751.0,
      "PixelRepresentation": 0,
      "PixelSpacing": [0.80078125, 0.80078125],
      "PositionReferenceIndicator": "",
      "ProtocolName": "T2_.8x.8x.8_224Slices",
      "RepetitionTime": 3200.0,
      "Rows": 256,
      "SAR": 0.26445908949663,
      "SamplesPerPixel": 1,
      "ScanOptions": "PFP",
      "ScanningSequence": "SE",
      "SequenceName": "*spc3d1_282ns",
      "SequenceVariant": [
        "SK",
        "SP"
],
      "SeriesDescription": "T2_.8x.8x.8_224Slices",
      "SeriesNumber": 15,
      "SeriesTime": "174836.593000",
      "SliceThickness": 0.80000001192093,
      "SmallestImagePixelValue": 0,
      "SoftwareVersions": "syngo MR B17",
      "SpecificCharacterSet": "ISO_IR 100",
      "StudyID": "1",
      "StudyTime": "162758.015000",
      "TransmitCoilName": "Body",
      "VariableFlipAngleFlag": "Y",
      "WindowCenterWidthExplanation": "Algo1",
      "dBdt": 0.0},
