{
  "AcquisitionMatrixPE": 64,
  "AcquisitionNumber": 1,
  "AcquisitionTime": "17:41:34.775000",
  "BaseResolution": 64,
  "BodyPartExamined": "HEAD",
  "ConversionSoftware": "dcm2niix",
  "ConversionSoftwareVersion": "v1.0.20171017 GCC6.3.0",
  "DeviceSerialNumber": "35177",
  "DwellTime": 1.48e-05,
  "EchoNumber": 2,
  "EchoTime": 0.00765,
  "FlipAngle": 60,
  "ImageOrientationPatientDICOM": [
    0.991018,
    0.118541,
    -0.0619059,
    -0.100795,
    0.966319,
    0.236785
  ],
  "ImageType": [
    "ORIGINAL",
    "PRIMARY",
    "M",
    "ND",
    "NORM"
  ],
  "InPlanePhaseEncodingDirectionDICOM": "COL",
  "InstitutionAddress": "Scott_Ave._4525_St._Louis_MO_US_63110",
  "InstitutionName": "Washington_University",
  "InstitutionalDepartmentName": "Department",
  "MRAcquisitionType": "2D",
  "MagneticFieldStrength": 3,
  "Manufacturer": "Siemens",
  "ManufacturersModelName": "TrioTim",
  "Modality": "MR",
  "PartialFourier": 1,
  "PatientPosition": "HFS",
  "PercentPhaseFOV": 100,
  "PhaseEncodingDirection": "j-",
  "PhaseEncodingSteps": 64,
  "PhaseResolution": 1,
  "PixelBandwidth": 528,
  "ProcedureStepDescription": "head_GREENE",
  "ProtocolName": "gre_field_mapping_4x4x4_32",
  "PulseSequenceDetails": "%SiemensSeq%_gre_field_mapping",
  "ReceiveCoilName": "HeadMatrix",
  "ReconMatrixPE": 64,
  "RepetitionTime": 0.667,
  "SAR": 0.129913,
  "ScanningSequence": "GR",
  "SequenceName": "_fm2d2r",
  "SequenceVariant": "SP",
  "SeriesDescription": "gre_field_mapping_4x4x4_32",
  "SeriesNumber": 12,
  "ShimSetting": [
    -302,
    -19650,
    8017,
    441,
    12,
    -20,
    590,
    -1
  ],
  "SliceThickness": 4,
  "SoftwareVersions": "syngo_MR_B17",
  "SpacingBetweenSlices": 4,
  "StationName": "MRC35177",
  "TxRefAmp": 351.345
}