{
  "AcquisitionMatrixPE": 64,
  "AcquisitionNumber": 1,
  "AcquisitionTime": "15:41:3.540000",
  "BandwidthPerPixelPhaseEncode": 26.483,
  "BaseResolution": 64,
  "BodyPartExamined": "HEAD",
  "ConversionSoftware": "dcm2niix",
  "ConversionSoftwareVersion": "v1.0.20171017 GCC6.3.0",
  "DerivedVendorReportedEchoSpacing": 0.000590001,
  "DeviceSerialNumber": "35177",
  "DwellTime": 4.1e-06,
  "EchoTime": 0.027,
  "EffectiveEchoSpacing": 0.000590001,
  "FlipAngle": 90,
  "ImageOrientationPatientDICOM": [0.995416, 0.0555592, 0.0778464, -0.0584318, 0.997673, 0.0351203],
  "ImageType": [
    "ORIGINAL",
    "PRIMARY",
    "M",
    "ND",
    "NORM",
    "MOSAIC"
],
  "InPlanePhaseEncodingDirectionDICOM": "COL",
  "InstitutionAddress": "Scott_Ave._4525_St._Louis_MO_US_63110",
  "InstitutionName": "Washington_University",
  "InstitutionalDepartmentName": "Department",
  "MRAcquisitionType": "2D",
  "MagneticFieldStrength": 3,
  "Manufacturer": "Siemens",
  "ManufacturersModelName": "TrioTim",
  "Modality": "MR",
  "PartialFourier": 1,
  "PatientPosition": "HFS",
  "PercentPhaseFOV": 100,
  "PhaseEncodingDirection": "j-",
  "PhaseEncodingSteps": 64,
  "PhaseResolution": 1,
  "PixelBandwidth": 1905,
  "ProcedureStepDescription": "head_GREENE",
  "ProtocolName": "ep2d_bold_nonad_movie_2B",
  "PulseSequenceDetails": "%SiemensSeq%_ep2d_bold",
  "ReceiveCoilName": "HeadMatrix",
  "ReconMatrixPE": 64,
  "RepetitionTime": 2.5,
  "SAR": 0.131919,
  "ScanOptions": "FS",
  "ScanningSequence": "EP",
  "SequenceName": "_epfid2d1_64",
  "SequenceVariant": "SK",
  "SeriesDescription": "ep2d_bold_nonad_movie_2B",
  "SeriesNumber": 8,
  "ShimSetting": [-168, -19566, 7959, 293, -15, -599, 54, -77],
  "SliceThickness": 4,
  "SliceTiming": [1.255, 0, 1.3325, 0.0775, 1.41, 0.155, 1.49, 0.235, 1.5675, 0.3125, 1.645, 0.39, 1.725, 0.47, 1.8025, 0.5475, 1.88, 0.6275, 1.96, 0.705, 2.0375, 0.7825, 2.1175, 0.8625, 2.195, 0.94, 2.2725, 1.0175, 2.3525, 1.0975, 2.43, 1.175],
  "SoftwareVersions": "syngo_MR_B17",
  "SpacingBetweenSlices": 4,
  "StationName": "MRC35177",
  "TaskName": "restmoviefixed",
  "TotalReadoutTime": 0.0371701,
  "TxRefAmp": 338.66,
  "dcmmeta_affine": [
    [-3.9816641807556152, -0.23372702300548553, 0.3028559982776642, 130.40554809570312],
    [-0.2222367376089096, 3.9906938076019287, 0.15803197026252747, -129.5867462158203],
    [0.31138551235198975, -0.1404811441898346, 3.9853856563568115, -52.14447021484375],
    [0.0, 0.0, 0.0, 1.0]
],
  "dcmmeta_reorient_transform": [
    [0.0, -1.0, 0.0, 63.0],
    [1.0, 0.0, 0.0, 0.0],
    [0.0, 0.0, 1.0, 0.0],
    [0.0, 0.0, 0.0, 1.0]
],
  "dcmmeta_shape": [64, 64, 32, 164],
  "dcmmeta_slice_dim": 2,
  "dcmmeta_version": 0.6,
  "global": {
    "const": {
      "AccessionNumber": ".",
      "AcquisitionMatrix": [64, 0, 0, 64],
      "AngioFlag": "N",
      "BitsAllocated": 16,
      "BitsStored": 12,
      "BodyPartExamined": "HEAD",
      "Columns": 384,
      "DeidentificationMethodCodeSequence": [
        {
          "CodeMeaning": "XNAT Edit Script",
          "CodeValue": "625500",
          "CodingSchemeDesignator": "XNAT",
          "CodingSchemeVersion": "0.1"}
],
      "EchoNumbers": 1,
      "EchoTime": 27.0,
      "EchoTrainLength": 1,
      "FlipAngle": 90.0,
      "HighBit": 11,
      "ImageOrientationPatient": [0.99541605286516, 0.05555918320862, 0.07784637987428, -0.0584317566844, 0.99767344123605, 0.03512028563383],
      "ImagePositionPatient": [-715.35068886792, -795.89583344521, -133.2934485487],
      "ImageType": [
        "ORIGINAL",
        "PRIMARY",
        "M",
        "ND",
        "NORM",
        "MOSAIC"
],
      "ImagedNucleus": "1H",
      "ImagingFrequency": 123.256123,
      "InPlanePhaseEncodingDirection": "COL",
      "MRAcquisitionType": "2D",
      "MagneticFieldStrength": 3.0,
      "Manufacturer": "SIEMENS",
      "ManufacturerModelName": "TrioTim",
      "Modality": "MR",
      "NumberOfAverages": 1.0,
      "NumberOfPhaseEncodingSteps": 64,
      "PercentPhaseFieldOfView": 100.0,
      "PercentSampling": 100.0,
      "PerformedProcedureStepStartTime": "150845.312000",
      "PhotometricInterpretation": "MONOCHROME2",
      "PixelBandwidth": 1905.0,
      "PixelRepresentation": 0,
      "PixelSpacing": [4.0, 4.0],
      "PositionReferenceIndicator": "",
      "ProtocolName": "ep2d_bold_nonad_movie_2B",
      "RepetitionTime": 2500.0,
      "Rows": 384,
      "SAR": 0.13191939945791,
      "SamplesPerPixel": 1,
      "ScanOptions": "FS",
      "ScanningSequence": "EP",
      "SequenceName": "*epfid2d1_64",
      "SequenceVariant": "SK",
      "SeriesDescription": "ep2d_bold_nonad_movie_2B",
      "SeriesNumber": 8,
      "SeriesTime": "154106.062000",
      "SliceLocation": -47.200151330892,
      "SliceThickness": 4.0,
      "SmallestImagePixelValue": 0,
      "SoftwareVersions": "syngo MR B17",
      "SpacingBetweenSlices": 3.9999994505461,
      "SpecificCharacterSet": "ISO_IR 100",
      "StudyID": "1",
      "StudyTime": "150845.265000",
      "TransmitCoilName": "Body",
      "VariableFlipAngleFlag": "N",
      "WindowCenterWidthExplanation": "Algo1",
      "dBdt": 0.0},
