{
  "bids_meta": {
    "AcquisitionMatrixPE": 224,
    "AcquisitionNumber": 1,
    "AcquisitionTime": "10:13:25.757500",
    "BaseResolution": 256,
    "BodyPartExamined": "HEAD",
    "ConversionSoftware": "dcm2niix",
    "ConversionSoftwareVersion": "v1.0.20171017 GCC6.3.0",
    "DeviceSerialNumber": "35177",
    "DwellTime": 3e-06,
    "EchoTime": 0.00174,
    "FlipAngle": 7,
    "ImageOrientationPatientDICOM": [
      0.0667564,
      0.872101,
      0.48475,
      -0.0151874,
      0.486666,
      -0.873456
    ],
    "ImageType": [
      "ORIGINAL",
      "PRIMARY",
      "OTHER",
      "ND",
      "NORM",
      "MEAN"
    ],
    "InPlanePhaseEncodingDirectionDICOM": "ROW",
    "InstitutionAddress": "Scott_Ave._4525_St._Louis_MO_US_63110",
    "InstitutionName": "Washington_University",
    "InstitutionalDepartmentName": "Department",
    "MRAcquisitionType": "3D",
    "MagneticFieldStrength": 3,
    "Manufacturer": "Siemens",
    "ManufacturersModelName": "TrioTim",
    "Modality": "MR",
    "ParallelReductionFactorInPlane": 2,
    "PartialFourier": 1,
    "PatientPosition": "HFS",
    "PercentPhaseFOV": 87.5,
    "PhaseEncodingSteps": 223,
    "PhaseResolution": 1,
    "PixelBandwidth": 651,
    "ProcedureStepDescription": "head_Dosenbach_MSC",
    "ProtocolName": "tfl-multiecho-epinav-711_new_FOV",
    "PulseSequenceDetails": "%CustomerSeq%_WIP711_Moco_tfl_multiecho_epinav_711",
    "ReceiveCoilName": "HeadMatrix",
    "ReconMatrixPE": 256,
    "RepetitionTime": 2.53,
    "SAR": 0.0797642,
    "ScanOptions": "IR",
    "ScanningSequence": "GR_IR",
    "SequenceName": "Moco3d4_ns",
    "SequenceVariant": "SP_MP",
    "SeriesDescription": "tfl-multiecho-epinav-711_new_FOV_RMS",
    "SeriesNumber": 16,
    "ShimSetting": [
      -260,
      -19695,
      7990,
      392,
      117,
      -953,
      781,
      46
    ],
    "SliceThickness": 1,
    "SoftwareVersions": "syngo_MR_B17",
    "StationName": "MRC35177",
    "TxRefAmp": 341.242,
    "dcmmeta_affine": [
      [
        0.9976537227630615,
        0.06675636023283005,
        -0.015187438577413559,
        -108.3510513305664
      ],
      [
        -0.05094665288925171,
        0.8721014857292175,
        0.48666560649871826,
        -152.23995971679688
      ],
      [
        0.0457330122590065,
        -0.48475000262260437,
        0.8734562993049622,
        -25.465641021728516
      ],
      [
        0.0,
        0.0,
        0.0,
        1.0
      ]
    ],
    "dcmmeta_reorient_transform": [
      [
        0.0,
        0.0,
        -1.0,
        255.0
      ],
      [
        0.0,
        -1.0,
        0.0,
        223.0
      ],
      [
        -1.0,
        0.0,
        0.0,
        175.0
      ],
      [
        0.0,
        0.0,
        0.0,
        1.0
      ]
    ],
    "dcmmeta_shape": [
      176,
      224,
      256
    ],
    "dcmmeta_slice_dim": 0,
    "dcmmeta_version": 0.6,
    "global": {
      "const": {
        "AccessionNumber": ".",
        "AcquisitionMatrix": [
          0,
          256,
          224,
          0
        ],
        "AcquisitionNumber": 1,
        "AcquisitionTime": "101325.757500",
        "AngioFlag": "N",
        "BitsAllocated": 16,
        "BitsStored": 12,
        "BodyPartExamined": "HEAD",
        "Columns": 224,
        "DeidentificationMethodCodeSequence": [
          {
            "CodeMeaning": "XNAT Edit Script",
            "CodeValue": "625500",
            "CodingSchemeDesignator": "XNAT",
            "CodingSchemeVersion": "0.1"
          }
        ],
        "EchoNumbers": 1,
        "EchoTime": 1.74,
        "EchoTrainLength": 1,
        "FlipAngle": 7.0,
        "HighBit": 11,
        "ImageOrientationPatient": [
          0.06675636079849,
          0.87210150010486,
          0.48474999928602,
          -0.015187438919,
          0.48666560592332,
          -0.8734563124223
        ],
        "ImageType": [
          "ORIGINAL",
          "PRIMARY",
          "OTHER",
          "ND",
          "NORM",
          "MEAN"
        ],
        "ImagedNucleus": "1H",
        "ImagingFrequency": 123.256197,
        "InPlanePhaseEncodingDirection": "ROW",
        "MRAcquisitionType": "3D",
        "MagneticFieldStrength": 3.0,
        "Manufacturer": "SIEMENS",
        "ManufacturerModelName": "TrioTim",
        "Modality": "MR",
        "NumberOfAverages": 4.0,
        "NumberOfPhaseEncodingSteps": 223,
        "PercentPhaseFieldOfView": 87.5,
        "PercentSampling": 100.0,
        "PerformedProcedureStepStartTime": "091214.406000",
        "PhotometricInterpretation": "MONOCHROME2",
        "PixelBandwidth": 651.0,
        "PixelRepresentation": 0,
        "PixelSpacing": [
          1.0,
          1.0
        ],
        "PositionReferenceIndicator": "",
        "ProtocolName": "tfl-multiecho-epinav-711_new_FOV",
        "RepetitionTime": 2530.0,
        "Rows": 256,
        "SAR": 0.07976422789522,
        "SamplesPerPixel": 1,
        "ScanOptions": "IR",
        "ScanningSequence": [
          "GR",
          "IR"
        ],
        "SequenceName": "Moco3d4_ns",
        "SequenceVariant": [
          "SP",
          "MP"
        ],
        "SeriesDescription": "tfl-multiecho-epinav-711_new_FOV RMS",
        "SeriesNumber": 16,
        "SeriesTime": "102302.140000",
        "SliceThickness": 1.0,
        "SmallestImagePixelValue": 0,
        "SoftwareVersions": "syngo MR B17",
        "SpecificCharacterSet": "ISO_IR 100",
        "StudyID": "1",
        "StudyTime": "091214.375000",
        "TransmitCoilName": "Body",
        "VariableFlipAngleFlag": "N",
        "WindowCenterWidthExplanation": "Algo1",
        "dBdt": 0.0
      },
