{
  "bids_meta": {
    "AcquisitionMatrixPE": 128,
    "AcquisitionNumber": 1,
    "AcquisitionTime": "17:43:6.730000",
    "BaseResolution": 256,
    "BodyPartExamined": "HEAD",
    "ConversionSoftware": "dcm2niix",
    "ConversionSoftwareVersion": "v1.0.20171017 GCC6.3.0",
    "DeviceSerialNumber": "35177",
    "DwellTime": 9.8e-06,
    "EchoTime": 0.084,
    "EchoTrainLength": 17,
    "FlipAngle": 120,
    "ImageOrientationPatientDICOM": [
      0.997944,
      0.0627104,
      -0.0132048,
      -0.0596225,
      0.984071,
      0.167478
    ],
    "ImageType": [
      "ORIGINAL",
      "PRIMARY",
      "M",
      "ND",
      "NORM"
    ],
    "InPlanePhaseEncodingDirectionDICOM": "COL",
    "InstitutionAddress": "Scott_Ave._4525_St._Louis_MO_US_63110",
    "InstitutionName": "Washington_University",
    "InstitutionalDepartmentName": "Department",
    "MRAcquisitionType": "2D",
    "MagneticFieldStrength": 3,
    "Manufacturer": "Siemens",
    "ManufacturersModelName": "TrioTim",
    "Modality": "MR",
    "ParallelReductionFactorInPlane": 3,
    "PartialFourier": 1,
    "PatientPosition": "HFS",
    "PercentPhaseFOV": 100,
    "PhaseEncodingDirection": "j-",
    "PhaseEncodingSteps": 128,
    "PhaseResolution": 0.5,
    "PixelBandwidth": 199,
    "ProcedureStepDescription": "head_GREENE",
    "ProtocolName": "T2_weighted",
    "PulseSequenceDetails": "%SiemensSeq%_tse",
    "ReceiveCoilName": "HeadMatrix",
    "ReconMatrixPE": 256,
    "RepetitionTime": 6.8,
    "SAR": 0.49907,
    "ScanningSequence": "SE",
    "SequenceName": "_tse2d1_17",
    "SequenceVariant": "SK_SP",
    "SeriesDescription": "T2_weighted",
    "SeriesNumber": 4,
    "ShimSetting": [
      -219,
      -19606,
      8007,
      309,
      133,
      -312,
      678,
      -115
    ],
    "SliceThickness": 4,
    "SoftwareVersions": "syngo_MR_B17",
    "SpacingBetweenSlices": 4,
    "StationName": "MRC35177",
    "TxRefAmp": 341.794,
    "dcmmeta_affine": [
      [
        -0.9979444146156311,
        -0.05962251499295235,
        -0.09398865699768066,
        141.3798370361328
      ],
      [
        -0.06271038204431534,
        0.9840711951255798,
        0.6653871536254883,
        -131.85374450683594
      ],
      [
        -0.013204830698668957,
        -0.16747847199440002,
        3.943145751953125,
        6.424805641174316
      ],
      [
        0.0,
        0.0,
        0.0,
        1.0
      ]
    ],
    "dcmmeta_reorient_transform": [
      [
        0.0,
        -1.0,
        0.0,
        255.0
      ],
      [
        1.0,
        0.0,
        0.0,
        0.0
      ],
      [
        0.0,
        0.0,
        -1.0,
        31.0
      ],
      [
        0.0,
        0.0,
        0.0,
        1.0
      ]
    ],
    "dcmmeta_shape": [
      256,
      256,
      32
    ],
    "dcmmeta_slice_dim": 2,
    "dcmmeta_version": 0.6,
    "global": {
      "const": {
        "AccessionNumber": ".",
        "AcquisitionMatrix": [
          256,
          0,
          0,
          128
        ],
        "AcquisitionNumber": 1,
        "AngioFlag": "N",
        "BitsAllocated": 16,
        "BitsStored": 12,
        "BodyPartExamined": "HEAD",
        "Columns": 256,
        "DeidentificationMethodCodeSequence": [
          {
            "CodeMeaning": "XNAT Edit Script",
            "CodeValue": "625500",
            "CodingSchemeDesignator": "XNAT",
            "CodingSchemeVersion": "0.1"
          }
        ],
        "EchoNumbers": 1,
        "EchoTime": 84.0,
        "EchoTrainLength": 17,
        "FlipAngle": 120.0,
        "HighBit": 11,
        "ImageOrientationPatient": [
          0.99794440759114,
          0.0627103803854,
          -0.0132048305358,
          -0.0596225136222,
          0.98407119450244,
          0.1674784762885
        ],
        "ImageType": [
          "ORIGINAL",
          "PRIMARY",
          "M",
          "ND",
          "NORM"
        ],
        "ImagedNucleus": "1H",
        "ImagingFrequency": 123.255809,
        "InPlanePhaseEncodingDirection": "COL",
        "MRAcquisitionType": "2D",
        "MagneticFieldStrength": 3.0,
        "Manufacturer": "SIEMENS",
        "ManufacturerModelName": "TrioTim",
        "Modality": "MR",
        "NumberOfAverages": 1.0,
        "NumberOfPhaseEncodingSteps": 128,
        "PercentPhaseFieldOfView": 100.0,
        "PercentSampling": 50.0,
        "PerformedProcedureStepStartTime": "173855.375000",
        "PhotometricInterpretation": "MONOCHROME2",
        "PixelBandwidth": 199.0,
        "PixelRepresentation": 0,
        "PixelSpacing": [
          1.0,
          1.0
        ],
        "PositionReferenceIndicator": "",
        "ProtocolName": "T2 weighted",
        "RepetitionTime": 6800.0,
        "Rows": 256,
        "SAR": 0.49907027118603,
        "SamplesPerPixel": 1,
        "ScanningSequence": "SE",
        "SequenceName": "*tse2d1_17",
        "SequenceVariant": [
          "SK",
          "SP"
        ],
        "SeriesDescription": "T2 weighted",
        "SeriesNumber": 4,
        "SeriesTime": "174331.468000",
        "SliceThickness": 4.0,
        "SmallestImagePixelValue": 0,
        "SoftwareVersions": "syngo MR B17",
        "SpacingBetweenSlices": 4.0,
        "SpecificCharacterSet": "ISO_IR 100",
        "StudyID": "1",
        "StudyTime": "173855.328000",
        "TransmitCoilName": "Body",
        "VariableFlipAngleFlag": "N",
        "WindowCenterWidthExplanation": "Algo1",
        "dBdt": 0.0
      },
