{
  "aor": 0.008500792682926828,
  "aqi": 0.015313468353658538,
  "bids_meta": {
    "AcquisitionMatrixPE": 64,
    "AcquisitionNumber": 1,
    "AcquisitionTime": "14:10:54.510000",
    "BandwidthPerPixelPhaseEncode": 26.483,
    "BaseResolution": 64,
    "BodyPartExamined": "HEAD",
    "CogAtlasID": "TODO",
    "ConversionSoftware": "dcm2niix",
    "ConversionSoftwareVersion": "v1.0.20171017 GCC6.3.0",
    "DerivedVendorReportedEchoSpacing": 0.000590001,
    "DeviceSerialNumber": "35177",
    "DwellTime": 4.1e-06,
    "EchoTime": 0.027,
    "EffectiveEchoSpacing": 0.000590001,
    "FlipAngle": 90,
    "ImageOrientationPatientDICOM": [
      0.994855,
      0.0319663,
      -0.0961295,
      -0.020666,
      0.992996,
      0.116329
    ],
    "ImageType": [
      "ORIGINAL",
      "PRIMARY",
      "M",
      "ND",
      "NORM",
      "MOSAIC"
    ],
    "InPlanePhaseEncodingDirectionDICOM": "COL",
    "InstitutionAddress": "Scott_Ave._4525_St._Louis_MO_US_63110",
    "InstitutionName": "Washington_University",
    "InstitutionalDepartmentName": "Department",
    "MRAcquisitionType": "2D",
    "MagneticFieldStrength": 3,
    "Manufacturer": "Siemens",
    "ManufacturersModelName": "TrioTim",
    "Modality": "MR",
    "PartialFourier": 1,
    "PatientPosition": "HFS",
    "PercentPhaseFOV": 100,
    "PhaseEncodingDirection": "j-",
    "PhaseEncodingSteps": 64,
    "PhaseResolution": 1,
    "PixelBandwidth": 1905,
    "ProcedureStepDescription": "head_GREENE",
    "ProtocolName": "ep2d_bold_nonad_rest",
    "PulseSequenceDetails": "%SiemensSeq%_ep2d_bold",
    "ReceiveCoilName": "HeadMatrix",
    "ReconMatrixPE": 64,
    "RepetitionTime": 2.5,
    "SAR": 0.129669,
    "ScanOptions": "FS",
    "ScanningSequence": "EP",
    "SequenceName": "_epfid2d1_64",
    "SequenceVariant": "SK",
    "SeriesDescription": "ep2d_bold_nonad_rest",
    "SeriesNumber": 12,
    "ShimSetting": [
      -322,
      -19542,
      7963,
      277,
      -42,
      -397,
      482,
      138
    ],
    "SliceThickness": 4,
    "SliceTiming": [
      1.255,
      0,
      1.335,
      0.08,
      1.4125,
      0.1575,
      1.49,
      0.2375,
      1.57,
      0.315,
      1.6475,
      0.3925,
      1.7275,
      0.4725,
      1.805,
      0.55,
      1.8825,
      0.6275,
      1.9625,
      0.7075,
      2.04,
      0.785,
      2.1175,
      0.8625,
      2.1975,
      0.9425,
      2.275,
      1.02,
      2.3525,
      1.1,
      2.4325,
      1.1775
    ],
    "SoftwareVersions": "syngo_MR_B17",
    "SpacingBetweenSlices": 4,
    "StationName": "MRC35177",
    "TaskName": "restfixationfixed",
    "TotalReadoutTime": 0.0371701,
    "TxRefAmp": 348.397,
    "dcmmeta_affine": [
      [
        -3.979421615600586,
        -0.08266405016183853,
        -0.39669910073280334,
        130.16146850585938
      ],
      [
        -0.12786512076854706,
        3.971982717514038,
        0.4549770653247833,
        -136.68231201171875
      ],
      [
        -0.38451793789863586,
        -0.46531742811203003,
        3.954190731048584,
        -14.598855972290039
      ],
      [
        0.0,
        0.0,
        0.0,
        1.0
      ]
    ],
    "dcmmeta_reorient_transform": [
      [
        0.0,
        -1.0,
        0.0,
        63.0
      ],
      [
        1.0,
        0.0,
        0.0,
        0.0
      ],
      [
        0.0,
        0.0,
        1.0,
        0.0
      ],
      [
        0.0,
        0.0,
        0.0,
        1.0
      ]
    ],
    "dcmmeta_shape": [
      64,
      64,
      32,
      164
    ],
    "dcmmeta_slice_dim": 2,
    "dcmmeta_version": 0.6,
    "global": {
      "const": {
        "AccessionNumber": ".",
        "AcquisitionMatrix": [
          64,
          0,
          0,
          64
        ],
        "AngioFlag": "N",
        "BitsAllocated": 16,
        "BitsStored": 12,
        "BodyPartExamined": "HEAD",
        "Columns": 384,
        "DeidentificationMethodCodeSequence": [
          {
            "CodeMeaning": "XNAT Edit Script",
            "CodeValue": "625500",
            "CodingSchemeDesignator": "XNAT",
            "CodingSchemeVersion": "0.1"
          }
        ],
        "EchoNumbers": 1,
        "EchoTime": 27.0,
        "EchoTrainLength": 1,
        "FlipAngle": 90.0,
        "HighBit": 11,
        "ImageOrientationPatient": [
          0.99485540600782,
          0.03196627848106,
          -0.0961294865121,
          -0.0206660132946,
          0.99299566837277,
          0.11632935350725
        ],
        "ImagePositionPatient": [
          -748.43483841064,
          -769.52823711306,
          -56.841767810734
        ],
        "ImageType": [
          "ORIGINAL",
          "PRIMARY",
          "M",
          "ND",
          "NORM",
          "MOSAIC"
        ],
        "ImagedNucleus": "1H",
        "ImagingFrequency": 123.255198,
        "InPlanePhaseEncodingDirection": "COL",
        "MRAcquisitionType": "2D",
        "MagneticFieldStrength": 3.0,
        "Manufacturer": "SIEMENS",
        "ManufacturerModelName": "TrioTim",
        "Modality": "MR",
        "NumberOfAverages": 1.0,
        "NumberOfPhaseEncodingSteps": 64,
        "PercentPhaseFieldOfView": 100.0,
        "PercentSampling": 100.0,
        "PerformedProcedureStepStartTime": "133402.968000",
        "PhotometricInterpretation": "MONOCHROME2",
        "PixelBandwidth": 1905.0,
        "PixelRepresentation": 0,
        "PixelSpacing": [
          4.0,
          4.0
        ],
        "PositionReferenceIndicator": "",
        "ProtocolName": "ep2d_bold_nonad_rest",
        "RepetitionTime": 2500.0,
        "Rows": 384,
        "SAR": 0.12966852745132,
        "SamplesPerPixel": 1,
        "ScanOptions": "FS",
        "ScanningSequence": "EP",
        "SequenceName": "*epfid2d1_64",
        "SequenceVariant": "SK",
        "SeriesDescription": "ep2d_bold_nonad_rest",
        "SeriesNumber": 12,
        "SeriesTime": "141056.531000",
        "SliceLocation": -42.887230966978,
        "SliceThickness": 4.0,
        "SmallestImagePixelValue": 0,
        "SoftwareVersions": "syngo MR B17",
        "SpacingBetweenSlices": 3.9999997593034,
        "SpecificCharacterSet": "ISO_IR 100",
        "StudyID": "1",
        "StudyTime": "133402.921000",
        "TransmitCoilName": "Body",
        "VariableFlipAngleFlag": "N",
        "WindowCenterWidthExplanation": "Algo1",
        "dBdt": 0.0
      },
