{
  "bids_meta": {
    "AcquisitionMatrixPE": 258,
    "AcquisitionNumber": 1,
    "AcquisitionTime": "14:38:51.205000",
    "BaseResolution": 256,
    "BodyPartExamined": "HEAD",
    "ConversionSoftware": "dcm2niix",
    "ConversionSoftwareVersion": "v1.0.20171017 GCC6.3.0",
    "DeviceSerialNumber": "35177",
    "DwellTime": 2.6e-06,
    "EchoTime": 0.479,
    "EchoTrainLength": 141,
    "FlipAngle": 120,
    "ImageOrientationPatientDICOM": [
      -0.0614056,
      0.852408,
      0.519259,
      0.0131257,
      0.520886,
      -0.853526
    ],
    "ImageType": [
      "ORIGINAL",
      "PRIMARY",
      "M",
      "ND",
      "NORM"
    ],
    "InPlanePhaseEncodingDirectionDICOM": "ROW",
    "InstitutionAddress": "Scott_Ave._4525_St._Louis_MO_US_63110",
    "InstitutionName": "Washington_University",
    "InstitutionalDepartmentName": "Department",
    "MRAcquisitionType": "3D",
    "MagneticFieldStrength": 3,
    "Manufacturer": "Siemens",
    "ManufacturersModelName": "TrioTim",
    "Modality": "MR",
    "ParallelReductionFactorInPlane": 2,
    "PartialFourier": 1,
    "PatientPosition": "HFS",
    "PercentPhaseFOV": 100,
    "PhaseEncodingSteps": 246,
    "PhaseResolution": 1.00781,
    "PixelBandwidth": 751,
    "ProcedureStepDescription": "head_GREENE",
    "ProtocolName": "T2_.8x.8x.8_224Slices",
    "PulseSequenceDetails": "%SiemensSeq%_tse_vfl",
    "ReceiveCoilName": "HeadMatrix",
    "ReconMatrixPE": 256,
    "RepetitionTime": 3.2,
    "SAR": 0.256374,
    "ScanOptions": "PFP",
    "ScanningSequence": "SE",
    "SequenceName": "_spc3d1_282ns",
    "SequenceVariant": "SK_SP",
    "SeriesDescription": "T2_.8x.8x.8_224Slices",
    "SeriesNumber": 14,
    "ShimSetting": [
      -208,
      -19588,
      8021,
      480,
      137,
      -341,
      -143,
      -36
    ],
    "SliceThickness": 0.8,
    "SoftwareVersions": "syngo_MR_B17",
    "StationName": "MRC35177",
    "TxRefAmp": 343.009,
    "modality": "T2w",
    "subject_id": "CTS225"
  },
  "cjv": 1.0285932029125044,
  "cnr": 1.0906954901724153,
  "efc": 0.6209167438672716,
  "fber": 490.1324157714844,
  "fwhm_avg": 2.135641122090433,
  "fwhm_x": 2.0230544882225177,
  "fwhm_y": 2.368074926829268,
  "fwhm_z": 2.015793951219512,
  "icvs_csf": 0.37264057763066827,
  "icvs_gm": 0.10398648775479179,
  "icvs_wm": 0.5233729346145399,
  "inu_med": 1.178600788116455,
  "inu_range": 0.4139439553022386,
  "provenance": {
    "md5sum": "4e1433ddeb2a4ed39102b1ac240ee72b",
    "settings": {
      "testing": false
    },
    "software": "mriqc",
    "version": "0.9.6",
    "warnings": {
      "large_rot_frame": true,
      "small_air_mask": false
    }
  },
  "qi_1": 0.0,
  "qi_2": 0.002948209483483989,
  "rpve_csf": 25.624557263035,
  "rpve_gm": 114.31817857284518,
  "rpve_wm": 19.179902201275567,
  "size_x": 220,
  "size_y": 256,
  "size_z": 256,
  "snr_csf": 8.039673867419559,
  "snr_gm": 2.226730817396707,
  "snr_total": 5.492607105909307,
  "snr_wm": 6.211416632911654,
  "snrd_csf": 30.556386901390013,
  "snrd_gm": 38.77692225640397,
  "snrd_total": 29.563549425174244,
  "snrd_wm": 19.357339117728742,
  "spacing_x": 2.3999996185302734,
  "spacing_y": 0.80078125,
  "spacing_z": 0.80078125,
  "summary_bg_k": 133.127617418602,
  "summary_bg_mad": 35.09886169433594,
  "summary_bg_mean": 52.838783264160156,
  "summary_bg_median": 28.957439422607422,
  "summary_bg_n": 1632304.0,
  "summary_bg_p05": 0.0,
  "summary_bg_p95": 150.9241241455077,
  "summary_bg_stdv": 107.73538208007812,
  "summary_csf_k": 1.0331886636020133,
  "summary_csf_mad": 179.62327575683594,
  "summary_csf_mean": 1651.04296875,
  "summary_csf_median": 1637.05517578125,
  "summary_csf_n": 237220.0,
  "summary_csf_p05": 1340.556658935547,
  "summary_csf_p95": 2008.5419616699219,
  "summary_csf_stdv": 203.6216583251953,
  "summary_gm_k": -0.9433351868841786,
  "summary_gm_mad": 907.6273193359375,
  "summary_gm_mean": 1856.5791015625,
  "summary_gm_median": 2077.469482421875,
  "summary_gm_n": 92951.0,
  "summary_gm_p05": 412.68116760253906,
  "summary_gm_p95": 3274.798583984375,
  "summary_gm_stdv": 932.96337890625,
  "summary_wm_k": 0.36258828138539734,
  "summary_wm_mad": 162.52320861816406,
  "summary_wm_mean": 1037.02490234375,
  "summary_wm_median": 1037.0673828125,
  "summary_wm_n": 383121.0,
  "summary_wm_p05": 765.40087890625,
  "summary_wm_p95": 1312.0997314453125,
  "summary_wm_stdv": 166.96127319335938,
  "tpm_overlap_csf": 0.1074783205986023,
  "tpm_overlap_gm": 0.08804305642843246,
  "tpm_overlap_wm": 0.3277188241481781,
  "wm2max": 0.3091747689509908
}