{
  "bids_meta": {
    "AcquisitionMatrixPE": 224,
    "AcquisitionNumber": 1,
    "AcquisitionTime": "11:23:9.407500",
    "BaseResolution": 256,
    "BodyPartExamined": "HEAD",
    "ConversionSoftware": "dcm2niix",
    "ConversionSoftwareVersion": "v1.0.20171017 GCC6.3.0",
    "DeviceSerialNumber": "35177",
    "DwellTime": 3e-06,
    "EchoTime": 0.00174,
    "FlipAngle": 7,
    "ImageOrientationPatientDICOM": [
      -0.0603185,
      0.9539,
      0.294002,
      0.0383848,
      0.296537,
      -0.95425
    ],
    "ImageType": [
      "ORIGINAL",
      "PRIMARY",
      "OTHER",
      "ND",
      "NORM",
      "MEAN"
    ],
    "InPlanePhaseEncodingDirectionDICOM": "ROW",
    "InstitutionAddress": "Scott_Ave._4525_St._Louis_MO_US_63110",
    "InstitutionName": "Washington_University",
    "InstitutionalDepartmentName": "Department",
    "MRAcquisitionType": "3D",
    "MagneticFieldStrength": 3,
    "Manufacturer": "Siemens",
    "ManufacturersModelName": "TrioTim",
    "Modality": "MR",
    "ParallelReductionFactorInPlane": 2,
    "PartialFourier": 1,
    "PatientPosition": "HFS",
    "PercentPhaseFOV": 87.5,
    "PhaseEncodingSteps": 223,
    "PhaseResolution": 1,
    "PixelBandwidth": 651,
    "ProcedureStepDescription": "head_GREENE",
    "ProtocolName": "tfl-multiecho-epinav-711_new_FOV",
    "PulseSequenceDetails": "%CustomerSeq%_WIP711_Moco_tfl_multiecho_epinav_711",
    "ReceiveCoilName": "HeadMatrix",
    "ReconMatrixPE": 256,
    "RepetitionTime": 2.53,
    "SAR": 0.0667847,
    "ScanOptions": "IR",
    "ScanningSequence": "GR_IR",
    "SequenceName": "Moco3d4_ns",
    "SequenceVariant": "SP_MP",
    "SeriesDescription": "tfl-multiecho-epinav-711_new_FOV_RMS",
    "SeriesNumber": 14,
    "ShimSetting": [
      -253,
      -19601,
      7984,
      327,
      -114,
      -526,
      246,
      -51
    ],
    "SliceThickness": 1,
    "SoftwareVersions": "syngo_MR_B17",
    "StationName": "MRC35177",
    "TxRefAmp": 333.738,
    "dcmmeta_affine": [
      [
        0.9974408745765686,
        -0.060318537056446075,
        0.03838483989238739,
        -81.1002426147461
      ],
      [
        0.04627372324466705,
        0.953899621963501,
        0.2965370714664459,
        -133.9032440185547
      ],
      [
        -0.0545019656419754,
        -0.294001966714859,
        0.9542496204376221,
        -85.24677276611328
      ],
      [
        0.0,
        0.0,
        0.0,
        1.0
      ]
    ],
    "dcmmeta_reorient_transform": [
      [
        0.0,
        0.0,
        -1.0,
        255.0
      ],
      [
        0.0,
        -1.0,
        0.0,
        223.0
      ],
      [
        -1.0,
        0.0,
        0.0,
        175.0
      ],
      [
        0.0,
        0.0,
        0.0,
        1.0
      ]
    ],
    "dcmmeta_shape": [
      176,
      224,
      256
    ],
    "dcmmeta_slice_dim": 0,
    "dcmmeta_version": 0.6,
    "global": {
      "const": {
        "AccessionNumber": ".",
        "AcquisitionMatrix": [
          0,
          256,
          224,
          0
        ],
        "AcquisitionNumber": 1,
        "AcquisitionTime": "112309.407500",
        "AngioFlag": "N",
        "BitsAllocated": 16,
        "BitsStored": 12,
        "BodyPartExamined": "HEAD",
        "Columns": 224,
        "DeidentificationMethodCodeSequence": [
          {
            "CodeMeaning": "XNAT Edit Script",
            "CodeValue": "625500",
            "CodingSchemeDesignator": "XNAT",
            "CodingSchemeVersion": "0.1"
          }
        ],
        "EchoNumbers": 1,
        "EchoTime": 1.74,
        "EchoTrainLength": 1,
        "FlipAngle": 7.0,
        "HighBit": 11,
        "ImageOrientationPatient": [
          -0.0603185363914,
          0.95389963472497,
          0.29400197454976,
          0.03838483812965,
          0.29653706242722,
          -0.9542496396692
        ],
        "ImageType": [
          "ORIGINAL",
          "PRIMARY",
          "OTHER",
          "ND",
          "NORM",
          "MEAN"
        ],
        "ImagedNucleus": "1H",
        "ImagingFrequency": 123.25623,
        "InPlanePhaseEncodingDirection": "ROW",
        "MRAcquisitionType": "3D",
        "MagneticFieldStrength": 3.0,
        "Manufacturer": "SIEMENS",
        "ManufacturerModelName": "TrioTim",
        "Modality": "MR",
        "NumberOfAverages": 4.0,
        "NumberOfPhaseEncodingSteps": 223,
        "PercentPhaseFieldOfView": 87.5,
        "PercentSampling": 100.0,
        "PerformedProcedureStepStartTime": "102513.546000",
        "PhotometricInterpretation": "MONOCHROME2",
        "PixelBandwidth": 651.0,
        "PixelRepresentation": 0,
        "PixelSpacing": [
          1.0,
          1.0
        ],
        "PositionReferenceIndicator": "",
        "ProtocolName": "tfl-multiecho-epinav-711_new_FOV",
        "RepetitionTime": 2530.0,
        "Rows": 256,
        "SAR": 0.06678468921774,
        "SamplesPerPixel": 1,
        "ScanOptions": "IR",
        "ScanningSequence": [
          "GR",
          "IR"
        ],
        "SequenceName": "Moco3d4_ns",
        "SequenceVariant": [
          "SP",
          "MP"
        ],
        "SeriesDescription": "tfl-multiecho-epinav-711_new_FOV RMS",
        "SeriesNumber": 14,
        "SeriesTime": "113246.750000",
        "SliceThickness": 1.0,
        "SmallestImagePixelValue": 0,
        "SoftwareVersions": "syngo MR B17",
        "SpecificCharacterSet": "ISO_IR 100",
        "StudyID": "1",
        "StudyTime": "102513.500000",
        "TransmitCoilName": "Body",
        "VariableFlipAngleFlag": "N",
        "WindowCenterWidthExplanation": "Algo1",
        "dBdt": 0.0
      },
