{
  "bids_meta": {
    "AcquisitionMatrixPE": 128,
    "AcquisitionNumber": 1,
    "AcquisitionTime": "13:32:20.405000",
    "BaseResolution": 256,
    "BodyPartExamined": "HEAD",
    "ConversionSoftware": "dcm2niix",
    "ConversionSoftwareVersion": "v1.0.20171017 GCC6.3.0",
    "DeviceSerialNumber": "35177",
    "DwellTime": 9.8e-06,
    "EchoTime": 0.084,
    "EchoTrainLength": 17,
    "FlipAngle": 120,
    "ImageOrientationPatientDICOM": [
      0.992258,
      0.121377,
      0.0262864,
      -0.120483,
      0.992157,
      -0.0332832
    ],
    "ImageType": [
      "ORIGINAL",
      "PRIMARY",
      "M",
      "ND",
      "NORM"
    ],
    "InPlanePhaseEncodingDirectionDICOM": "COL",
    "InstitutionAddress": "Scott_Ave._4525_St._Louis_MO_US_63110",
    "InstitutionName": "Washington_University",
    "InstitutionalDepartmentName": "Department",
    "MRAcquisitionType": "2D",
    "MagneticFieldStrength": 3,
    "Manufacturer": "Siemens",
    "ManufacturersModelName": "TrioTim",
    "Modality": "MR",
    "ParallelReductionFactorInPlane": 3,
    "PartialFourier": 1,
    "PatientPosition": "HFS",
    "PercentPhaseFOV": 100,
    "PhaseEncodingDirection": "j-",
    "PhaseEncodingSteps": 128,
    "PhaseResolution": 0.5,
    "PixelBandwidth": 199,
    "ProcedureStepDescription": "head_GREENE",
    "ProtocolName": "T2_weighted",
    "PulseSequenceDetails": "%SiemensSeq%_tse",
    "ReceiveCoilName": "HeadMatrix",
    "ReconMatrixPE": 256,
    "RepetitionTime": 6.8,
    "SAR": 0.453561,
    "ScanningSequence": "SE",
    "SequenceName": "_tse2d1_17",
    "SequenceVariant": "SK_SP",
    "SeriesDescription": "T2_weighted",
    "SeriesNumber": 24,
    "ShimSetting": [
      -234,
      -19489,
      7965,
      413,
      -192,
      -678,
      202,
      -23
    ],
    "SliceThickness": 4,
    "SoftwareVersions": "syngo_MR_B17",
    "SpacingBetweenSlices": 4,
    "StationName": "MRC35177",
    "TxRefAmp": 329.147,
    "dcmmeta_affine": [
      [
        -0.9922583103179932,
        -0.12048312276601791,
        0.12047958374023438,
        147.7856903076172
      ],
      [
        -0.12137720733880997,
        0.9921572804450989,
        -0.11943435668945312,
        -118.53890991210938
      ],
      [
        0.02628636546432972,
        0.03328322246670723,
        3.99639892578125,
        -60.7385139465332
      ],
      [
        0.0,
        0.0,
        0.0,
        1.0
      ]
    ],
    "dcmmeta_reorient_transform": [
      [
        0.0,
        -1.0,
        0.0,
        255.0
      ],
      [
        1.0,
        0.0,
        0.0,
        0.0
      ],
      [
        0.0,
        0.0,
        -1.0,
        31.0
      ],
      [
        0.0,
        0.0,
        0.0,
        1.0
      ]
    ],
    "dcmmeta_shape": [
      256,
      256,
      32
    ],
    "dcmmeta_slice_dim": 2,
    "dcmmeta_version": 0.6,
    "global": {
      "const": {
        "AccessionNumber": ".",
        "AcquisitionMatrix": [
          256,
          0,
          0,
          128
        ],
        "AcquisitionNumber": 1,
        "AngioFlag": "N",
        "BitsAllocated": 16,
        "BitsStored": 12,
        "BodyPartExamined": "HEAD",
        "Columns": 256,
        "DeidentificationMethodCodeSequence": [
          {
            "CodeMeaning": "XNAT Edit Script",
            "CodeValue": "625500",
            "CodingSchemeDesignator": "XNAT",
            "CodingSchemeVersion": "0.1"
          }
        ],
        "EchoNumbers": 1,
        "EchoTime": 84.0,
        "EchoTrainLength": 17,
        "FlipAngle": 120.0,
        "HighBit": 11,
        "ImageOrientationPatient": [
          0.99225833362664,
          0.12137720702542,
          0.02628636458701,
          -0.1204831233647,
          0.99215726786616,
          -0.0332832210678
        ],
        "ImageType": [
          "ORIGINAL",
          "PRIMARY",
          "M",
          "ND",
          "NORM"
        ],
        "ImagedNucleus": "1H",
        "ImagingFrequency": 123.255947,
        "InPlanePhaseEncodingDirection": "COL",
        "MRAcquisitionType": "2D",
        "MagneticFieldStrength": 3.0,
        "Manufacturer": "SIEMENS",
        "ManufacturerModelName": "TrioTim",
        "Modality": "MR",
        "NumberOfAverages": 1.0,
        "NumberOfPhaseEncodingSteps": 128,
        "PercentPhaseFieldOfView": 100.0,
        "PercentSampling": 50.0,
        "PerformedProcedureStepStartTime": "114134.765000",
        "PhotometricInterpretation": "MONOCHROME2",
        "PixelBandwidth": 199.0,
        "PixelRepresentation": 0,
        "PixelSpacing": [
          1.0,
          1.0
        ],
        "PositionReferenceIndicator": "",
        "ProtocolName": "T2 weighted",
        "RepetitionTime": 6800.0,
        "Rows": 256,
        "SAR": 0.45356122878946,
        "SamplesPerPixel": 1,
        "ScanningSequence": "SE",
        "SequenceName": "*tse2d1_17",
        "SequenceVariant": [
          "SK",
          "SP"
        ],
        "SeriesDescription": "T2 weighted",
        "SeriesNumber": 24,
        "SeriesTime": "133238.765000",
        "SliceThickness": 4.0,
        "SmallestImagePixelValue": 0,
        "SoftwareVersions": "syngo MR B17",
        "SpacingBetweenSlices": 4.0,
        "SpecificCharacterSet": "ISO_IR 100",
        "StudyID": "1",
        "StudyTime": "114134.734000",
        "TransmitCoilName": "Body",
        "VariableFlipAngleFlag": "N",
        "WindowCenterWidthExplanation": "Algo1",
        "dBdt": 0.0
      },
