{
  "AcquisitionMatrixPE": 64,
  "AcquisitionNumber": 1,
  "AcquisitionTime": "17:40:40.947500",
  "BandwidthPerPixelPhaseEncode": 26.483,
  "BaseResolution": 64,
  "BodyPartExamined": "HEAD",
  "ConversionSoftware": "dcm2niix",
  "ConversionSoftwareVersion": "v1.0.20171017 GCC6.3.0",
  "DerivedVendorReportedEchoSpacing": 0.000590001,
  "DeviceSerialNumber": "35177",
  "DwellTime": 4.1e-06,
  "EchoTime": 0.027,
  "EffectiveEchoSpacing": 0.000590001,
  "FlipAngle": 90,
  "ImageOrientationPatientDICOM": [0.9926, -0.120253, 0.0168676, 0.118937, 0.990798, 0.0645976],
  "ImageType": [
    "ORIGINAL",
    "PRIMARY",
    "M",
    "ND",
    "NORM",
    "MOSAIC"
],
  "InPlanePhaseEncodingDirectionDICOM": "COL",
  "InstitutionAddress": "Scott_Ave._4525_St._Louis_MO_US_63110",
  "InstitutionName": "Washington_University",
  "InstitutionalDepartmentName": "Department",
  "MRAcquisitionType": "2D",
  "MagneticFieldStrength": 3,
  "Manufacturer": "Siemens",
  "ManufacturersModelName": "TrioTim",
  "Modality": "MR",
  "PartialFourier": 1,
  "PatientPosition": "HFS",
  "PercentPhaseFOV": 100,
  "PhaseEncodingDirection": "j-",
  "PhaseEncodingSteps": 64,
  "PhaseResolution": 1,
  "PixelBandwidth": 1905,
  "ProcedureStepDescription": "head_GREENE",
  "ProtocolName": "ep2d_bold_rest1",
  "PulseSequenceDetails": "%SiemensSeq%_ep2d_bold",
  "ReceiveCoilName": "HeadMatrix",
  "ReconMatrixPE": 64,
  "RepetitionTime": 2.5,
  "SAR": 0.139138,
  "ScanOptions": "FS",
  "ScanningSequence": "EP",
  "SequenceName": "_epfid2d1_64",
  "SequenceVariant": "SK",
  "SeriesDescription": "ep2d_bold_rest1",
  "SeriesNumber": 5,
  "ShimSetting": [-249, -19508, 7983, 349, -19, -648, 390, 149],
  "SliceThickness": 4,
  "SliceTiming": [1.255, 0, 1.335, 0.08, 1.4125, 0.1575, 1.49, 0.2375, 1.57, 0.315, 1.6475, 0.3925, 1.7275, 0.4725, 1.805, 0.55, 1.8825, 0.6275, 1.9625, 0.7075, 2.04, 0.785, 2.1175, 0.865, 2.1975, 0.9425, 2.275, 1.02, 2.355, 1.1, 2.4325, 1.1775],
  "SoftwareVersions": "syngo_MR_B17",
  "SpacingBetweenSlices": 4,
  "StationName": "MRC35177",
  "TaskName": "restbaseline",
  "TotalReadoutTime": 0.0371701,
  "TxRefAmp": 345.329,
  "dcmmeta_affine": [
    [-3.970399856567383, 0.4757475256919861, 0.09792178869247437, 114.83399963378906],
    [0.4810115694999695, 3.963192939758301, 0.24845358729362488, -150.8781280517578],
    [0.06747042387723923, -0.25839030742645264, 3.9910764694213867, -24.920429229736328],
    [0.0, 0.0, 0.0, 1.0]
],
  "dcmmeta_reorient_transform": [
    [0.0, -1.0, 0.0, 63.0],
    [1.0, 0.0, 0.0, 0.0],
    [0.0, 0.0, 1.0, 0.0],
    [0.0, 0.0, 0.0, 1.0]
],
  "dcmmeta_shape": [64, 64, 32, 164],
  "dcmmeta_slice_dim": 2,
  "dcmmeta_version": 0.6,
  "global": {
    "const": {
      "AccessionNumber": ".",
      "AcquisitionMatrix": [64, 0, 0, 64],
      "AngioFlag": "N",
      "BitsAllocated": 16,
      "BitsStored": 12,
      "BodyPartExamined": "HEAD",
      "Columns": 384,
      "DeidentificationMethodCodeSequence": [
        {
          "CodeMeaning": "XNAT Edit Script",
          "CodeValue": "625500",
          "CodingSchemeDesignator": "XNAT",
          "CodingSchemeVersion": "0.1"}
],
      "EchoNumbers": 1,
      "EchoTime": 27.0,
      "EchoTrainLength": 1,
      "FlipAngle": 90.0,
      "HighBit": 11,
      "ImageOrientationPatient": [0.99259998293197, -0.1202528908944, 0.01686760549089, 0.11893688222174, 0.9907982492275, 0.06459758025733],
      "ImagePositionPatient": [-856.1896908522, -655.95205373619, -93.336737492884],
      "ImageType": [
        "ORIGINAL",
        "PRIMARY",
        "M",
        "ND",
        "NORM",
        "MOSAIC"
],
      "ImagedNucleus": "1H",
      "ImagingFrequency": 123.255838,
      "InPlanePhaseEncodingDirection": "COL",
      "MRAcquisitionType": "2D",
      "MagneticFieldStrength": 3.0,
      "Manufacturer": "SIEMENS",
      "ManufacturerModelName": "TrioTim",
      "Modality": "MR",
      "NumberOfAverages": 1.0,
      "NumberOfPhaseEncodingSteps": 64,
      "PercentPhaseFieldOfView": 100.0,
      "PercentSampling": 100.0,
      "PerformedProcedureStepStartTime": "173121.500000",
      "PhotometricInterpretation": "MONOCHROME2",
      "PixelBandwidth": 1905.0,
      "PixelRepresentation": 0,
      "PixelSpacing": [4.0, 4.0],
      "PositionReferenceIndicator": "",
      "ProtocolName": "ep2d_bold_rest1",
      "RepetitionTime": 2500.0,
      "Rows": 384,
      "SAR": 0.1391379066164,
      "SamplesPerPixel": 1,
      "ScanOptions": "FS",
      "ScanningSequence": "EP",
      "SequenceName": "*epfid2d1_64",
      "SequenceVariant": "SK",
      "SeriesDescription": "ep2d_bold_rest1",
      "SeriesNumber": 5,
      "SeriesTime": "174043.718000",
      "SliceLocation": -31.425190158991,
      "SliceThickness": 4.0,
      "SmallestImagePixelValue": 0,
      "SoftwareVersions": "syngo MR B17",
      "SpacingBetweenSlices": 4.0000011871548,
      "SpecificCharacterSet": "ISO_IR 100",
      "StudyID": "1",
      "StudyTime": "173121.453000",
      "TransmitCoilName": "Body",
      "VariableFlipAngleFlag": "N",
      "WindowCenterWidthExplanation": "Algo1",
      "dBdt": 0.0},
