{
  "AcquisitionMatrixPE": 64,
  "AcquisitionNumber": 1,
  "AcquisitionTime": "13:36:56.722500",
  "BandwidthPerPixelPhaseEncode": 26.483,
  "BaseResolution": 64,
  "BodyPartExamined": "HEAD",
  "ConversionSoftware": "dcm2niix",
  "ConversionSoftwareVersion": "v1.0.20171017 GCC6.3.0",
  "DerivedVendorReportedEchoSpacing": 0.000590001,
  "DeviceSerialNumber": "35177",
  "DwellTime": 4.1e-06,
  "EchoTime": 0.027,
  "EffectiveEchoSpacing": 0.000590001,
  "FlipAngle": 90,
  "ImageOrientationPatientDICOM": [0.996669, -0.0739124, -0.0344799, 0.0789644, 0.980276, 0.181174],
  "ImageType": [
    "ORIGINAL",
    "PRIMARY",
    "M",
    "ND",
    "NORM",
    "MOSAIC"
],
  "InPlanePhaseEncodingDirectionDICOM": "COL",
  "InstitutionAddress": "Scott_Ave._4525_St._Louis_MO_US_63110",
  "InstitutionName": "Washington_University",
  "InstitutionalDepartmentName": "Department",
  "MRAcquisitionType": "2D",
  "MagneticFieldStrength": 3,
  "Manufacturer": "Siemens",
  "ManufacturersModelName": "TrioTim",
  "Modality": "MR",
  "PartialFourier": 1,
  "PatientPosition": "HFS",
  "PercentPhaseFOV": 100,
  "PhaseEncodingDirection": "j-",
  "PhaseEncodingSteps": 64,
  "PhaseResolution": 1,
  "PixelBandwidth": 1905,
  "ProcedureStepDescription": "head_GREENE",
  "ProtocolName": "ep2d_bold_nonad_rest",
  "PulseSequenceDetails": "%SiemensSeq%_ep2d_bold",
  "ReceiveCoilName": "HeadMatrix",
  "ReconMatrixPE": 64,
  "RepetitionTime": 2.5,
  "SAR": 0.162988,
  "ScanOptions": "FS",
  "ScanningSequence": "EP",
  "SequenceName": "_epfid2d1_64",
  "SequenceVariant": "SK",
  "SeriesDescription": "ep2d_bold_nonad_rest",
  "SeriesNumber": 7,
  "ShimSetting": [-224, -19688, 7998, 280, 88, -552, 173, -28],
  "SliceThickness": 4,
  "SliceTiming": [1.255, 0, 1.3325, 0.0775, 1.4125, 0.1575, 1.49, 0.235, 1.5675, 0.3125, 1.6475, 0.3925, 1.725, 0.47, 1.8025, 0.55, 1.8825, 0.6275, 1.96, 0.705, 2.04, 0.785, 2.1175, 0.8625, 2.195, 0.94, 2.275, 1.02, 2.3525, 1.0975, 2.43, 1.175],
  "SoftwareVersions": "syngo_MR_B17",
  "SpacingBetweenSlices": 4,
  "StationName": "MRC35177",
  "TaskName": "restfixationfixed",
  "TotalReadoutTime": 0.0371701,
  "TxRefAmp": 341.225,
  "dcmmeta_affine": [
    [-3.9866740703582764, 0.31585779786109924, -0.08163540065288544, 118.20162200927734],
    [0.29564952850341797, 3.9211032390594482, 0.7331713438034058, -140.41909790039062],
    [-0.13791970908641815, -0.724695086479187, 3.931385040283203, 5.164867401123047],
    [0.0, 0.0, 0.0, 1.0]
],
  "dcmmeta_reorient_transform": [
    [0.0, -1.0, 0.0, 63.0],
    [1.0, 0.0, 0.0, 0.0],
    [0.0, 0.0, 1.0, 0.0],
    [0.0, 0.0, 0.0, 1.0]
],
  "dcmmeta_shape": [64, 64, 32, 164],
  "dcmmeta_slice_dim": 2,
  "dcmmeta_version": 0.6,
  "global": {
    "const": {
      "AccessionNumber": ".",
      "AcquisitionMatrix": [64, 0, 0, 64],
      "AngioFlag": "N",
      "BitsAllocated": 16,
      "BitsStored": 12,
      "BodyPartExamined": "HEAD",
      "Columns": 384,
      "DeidentificationMethodCodeSequence": [
        {
          "CodeMeaning": "XNAT Edit Script",
          "CodeValue": "625500",
          "CodingSchemeDesignator": "XNAT",
          "CodingSchemeVersion": "0.1"}
],
      "EchoNumbers": 1,
      "EchoTime": 27.0,
      "EchoTrainLength": 1,
      "FlipAngle": 90.0,
      "HighBit": 11,
      "ImageOrientationPatient": [0.99666849744438, -0.0739123853866, -0.0344799287763, 0.07896445310687, 0.98027581784614, 0.18117377318918],
      "ImagePositionPatient": [-826.50575073676, -686.68300808141, -134.37498383721],
      "ImageType": [
        "ORIGINAL",
        "PRIMARY",
        "M",
        "ND",
        "NORM",
        "MOSAIC"
],
      "ImagedNucleus": "1H",
      "ImagingFrequency": 123.255771,
      "InPlanePhaseEncodingDirection": "COL",
      "MRAcquisitionType": "2D",
      "MagneticFieldStrength": 3.0,
      "Manufacturer": "SIEMENS",
      "ManufacturerModelName": "TrioTim",
      "Modality": "MR",
      "NumberOfAverages": 1.0,
      "NumberOfPhaseEncodingSteps": 64,
      "PercentPhaseFieldOfView": 100.0,
      "PercentSampling": 100.0,
      "PerformedProcedureStepStartTime": "131250.515000",
      "PhotometricInterpretation": "MONOCHROME2",
      "PixelBandwidth": 1905.0,
      "PixelRepresentation": 0,
      "PixelSpacing": [4.0, 4.0],
      "PositionReferenceIndicator": "",
      "ProtocolName": "ep2d_bold_nonad_rest",
      "RepetitionTime": 2500.0,
      "Rows": 384,
      "SAR": 0.16298810237477,
      "SamplesPerPixel": 1,
      "ScanOptions": "FS",
      "ScanningSequence": "EP",
      "SequenceName": "*epfid2d1_64",
      "SequenceVariant": "SK",
      "SeriesDescription": "ep2d_bold_nonad_rest",
      "SeriesNumber": 7,
      "SeriesTime": "133658.828000",
      "SliceLocation": -23.073908357237,
      "SliceThickness": 4.0,
      "SmallestImagePixelValue": 0,
      "SoftwareVersions": "syngo MR B17",
      "SpacingBetweenSlices": 3.9999989970541,
      "SpecificCharacterSet": "ISO_IR 100",
      "StudyID": "1",
      "StudyTime": "131250.484000",
      "TransmitCoilName": "Body",
      "VariableFlipAngleFlag": "N",
      "WindowCenterWidthExplanation": "Algo1",
      "dBdt": 0.0},
