{
  "AcquisitionMatrixPE": 64,
  "AcquisitionNumber": 1,
  "AcquisitionTime": "13:47:44.780000",
  "BaseResolution": 64,
  "BodyPartExamined": "HEAD",
  "ConversionSoftware": "dcm2niix",
  "ConversionSoftwareVersion": "v1.0.20171017 GCC6.3.0",
  "DeviceSerialNumber": "35177",
  "EchoNumber": 2,
  "EchoTime": 0.00765,
  "EchoTime1": 0.00519,
  "EchoTime2": 0.00765,
  "FlipAngle": 60,
  "ImageOrientationPatientDICOM": [0.996142, 0.0190981, 0.0856549, -0.0197579, 0.999781, 0.00686144],
  "ImageType": [
    "ORIGINAL",
    "PRIMARY",
    "P",
    "ND"
],
  "InPlanePhaseEncodingDirectionDICOM": "COL",
  "InstitutionAddress": "Scott_Ave._4525_St._Louis_MO_US_63110",
  "InstitutionName": "Washington_University",
  "MRAcquisitionType": "2D",
  "MagneticFieldStrength": 3,
  "Manufacturer": "Siemens",
  "ManufacturersModelName": "TrioTim",
  "Modality": "MR",
  "PartialFourier": 1,
  "PatientPosition": "HFS",
  "PercentPhaseFOV": 100,
  "PhaseEncodingDirection": "j-",
  "PhaseEncodingSteps": 64,
  "PhaseResolution": 1,
  "PixelBandwidth": 528,
  "ProcedureStepDescription": "head_GREENE",
  "ProtocolName": "gre_field_mapping_4x4x4_32",
  "PulseSequenceDetails": "%SiemensSeq%_gre_field_mapping",
  "ReceiveCoilName": "HeadMatrix",
  "ReconMatrixPE": 64,
  "RepetitionTime": 0.667,
  "SAR": 0.114992,
  "ScanningSequence": "GR",
  "SequenceName": "_fm2d2r",
  "SequenceVariant": "SP",
  "SeriesDescription": "gre_field_mapping_4x4x4_32",
  "SeriesNumber": 14,
  "ShimSetting": [-200, -19505, 7909, 196, -100, -513, 320, 91],
  "SliceThickness": 4,
  "SoftwareVersions": "syngo_MR_B17",
  "SpacingBetweenSlices": 4,
  "StationName": "MRC35177",
  "TxRefAmp": 324.939,
  "dcmmeta_affine": [
    [-3.9845681190490723, -0.07903160154819489, 0.34200000762939453, 132.48199462890625],
    [-0.07639239728450775, 3.999124050140381, 0.03400000184774399, -127.92381286621094],
    [0.3426195979118347, -0.027445759624242783, 3.985300064086914, -55.8419189453125],
    [0.0, 0.0, 0.0, 1.0]
],
  "dcmmeta_reorient_transform": [
    [0.0, -1.0, 0.0, 63.0],
    [1.0, 0.0, 0.0, 0.0],
    [0.0, 0.0, -1.0, 31.0],
    [0.0, 0.0, 0.0, 1.0]
],
  "dcmmeta_shape": [64, 64, 32],
  "dcmmeta_slice_dim": 2,
  "dcmmeta_version": 0.6,
  "global": {
    "const": {
      "AccessionNumber": ".",
      "AcquisitionMatrix": [64, 0, 0, 64],
      "AcquisitionNumber": 1,
      "AngioFlag": "N",
      "BitsAllocated": 16,
      "BitsStored": 12,
      "BodyPartExamined": "HEAD",
      "Columns": 64,
      "DeidentificationMethodCodeSequence": [
        {
          "CodeMeaning": "XNAT Edit Script",
          "CodeValue": "625500",
          "CodingSchemeDesignator": "XNAT",
          "CodingSchemeVersion": "0.1"}
],
      "EchoNumbers": 2,
      "EchoTime": 7.65,
      "EchoTrainLength": 1,
      "FlipAngle": 60.0,
      "HighBit": 11,
      "ImageOrientationPatient": [0.996142, 0.0190981, 0.0856549, -0.0197579, 0.999781, 0.00686144],
      "ImageType": [
        "ORIGINAL",
        "PRIMARY",
        "P",
        "ND"
],
      "ImagedNucleus": "1H",
      "ImagingFrequency": 123.256,
      "InPlanePhaseEncodingDirection": "COL",
      "MRAcquisitionType": "2D",
      "MagneticFieldStrength": 3.0,
      "Manufacturer": "SIEMENS",
      "ManufacturerModelName": "TrioTim",
      "Modality": "MR",
      "NumberOfAverages": 1.0,
      "NumberOfFrames": 1,
      "NumberOfPhaseEncodingSteps": 64,
      "PercentPhaseFieldOfView": 100.0,
      "PercentSampling": 100.0,
      "PerformedProcedureStepStartTime": "124343.234000",
      "PhotometricInterpretation": "MONOCHROME2",
      "PixelBandwidth": 528.0,
      "PixelRepresentation": 0,
      "PixelSpacing": [4.0, 4.0],
      "ProtocolName": "gre_field_mapping_4x4x4_32",
      "RepetitionTime": 667.0,
      "Rows": 64,
      "SAR": 0.114992,
      "SamplesPerPixel": 1,
      "ScanningSequence": "GR",
      "SequenceName": "*fm2d2r",
      "SequenceVariant": "SP",
      "SeriesDescription": "gre_field_mapping_4x4x4_32",
      "SeriesNumber": 14,
      "SeriesTime": "134910.218000",
      "SliceThickness": 4.0,
      "SoftwareVersions": "syngo MR B17",
      "SpacingBetweenSlices": 4.0,
      "SpecificCharacterSet": "ISO_IR 100",
      "StudyID": "2",
      "StudyTime": "124343.203000",
      "TransmitCoilName": "Body",
      "VariableFlipAngleFlag": "N",
      "dBdt": 0.0},
    "slices": {
      "AcquisitionTime": ["134744.780000", "134744.445000", "134744.800000", "134744.465000", "134744.822500", "134744.487500", "134744.842500", "134744.507500", "134744.862500", "134744.527500", "134744.885000", "134744.550000", "134744.905000", "134744.570000", "134744.925000", "134744.592500", "134744.947500", "134744.612500", "134744.967500", "134744.632500", "134744.990000", "134744.655000", "134745.010000", "134744.675000", "134745.030000", "134744.695000", "134745.052500", "134744.717500", "134745.072500", "134744.737500", "134745.092500", "134744.757500"],
      "ContentTime": ["134910.250000", "134910.218000", "134910.265000", "134910.234000", "134910.265000", "134910.234000", "134910.265000", "134910.234000", "134910.265000", "134910.234000", "134910.265000", "134910.234000", "134910.265000", "134910.234000", "134910.265000", "134910.234000", "134910.265000", "134910.250000", "134910.265000", "134910.250000", "134910.281000", "134910.250000", "134910.281000", "134910.250000", "134910.281000", "134910.250000", "134910.281000", "134910.250000", "134910.281000", "134910.250000", "134910.281000", "134910.250000"],
      "CsaImage.ICE_Dims": [
        "X_2_1_1_1_1_1_17_1_1_1_1_367",
        "X_2_1_1_1_1_1_1_1_1_2_1_367",
        "X_2_1_1_1_1_1_18_1_1_3_1_367",
        "X_2_1_1_1_1_1_2_1_1_4_1_367",
        "X_2_1_1_1_1_1_19_1_1_5_1_367",
        "X_2_1_1_1_1_1_3_1_1_6_1_367",
        "X_2_1_1_1_1_1_20_1_1_7_1_367",
        "X_2_1_1_1_1_1_4_1_1_8_1_367",
        "X_2_1_1_1_1_1_21_1_1_9_1_367",
        "X_2_1_1_1_1_1_5_1_1_10_1_367",
        "X_2_1_1_1_1_1_22_1_1_11_1_367",
        "X_2_1_1_1_1_1_6_1_1_12_1_367",
        "X_2_1_1_1_1_1_23_1_1_13_1_367",
        "X_2_1_1_1_1_1_7_1_1_14_1_367",
        "X_2_1_1_1_1_1_24_1_1_15_1_367",
        "X_2_1_1_1_1_1_8_1_1_16_1_367",
        "X_2_1_1_1_1_1_25_1_1_17_1_367",
        "X_2_1_1_1_1_1_9_1_1_18_1_367",
        "X_2_1_1_1_1_1_26_1_1_19_1_367",
        "X_2_1_1_1_1_1_10_1_1_20_1_367",
        "X_2_1_1_1_1_1_27_1_1_21_1_367",
        "X_2_1_1_1_1_1_11_1_1_22_1_367",
        "X_2_1_1_1_1_1_28_1_1_23_1_367",
        "X_2_1_1_1_1_1_12_1_1_24_1_367",
        "X_2_1_1_1_1_1_29_1_1_25_1_367",
        "X_2_1_1_1_1_1_13_1_1_26_1_367",
        "X_2_1_1_1_1_1_30_1_1_27_1_367",
        "X_2_1_1_1_1_1_14_1_1_28_1_367",
        "X_2_1_1_1_1_1_31_1_1_29_1_367",
        "X_2_1_1_1_1_1_15_1_1_30_1_367",
        "X_2_1_1_1_1_1_32_1_1_31_1_367",
        "X_2_1_1_1_1_1_16_1_1_32_1_367"
],
      "CsaImage.ProtocolSliceNumber": [0, 1, 2, 3, 4, 5, 6, 7, 8, 9, 10, 11, 12, 13, 14, 15, 16, 17, 18, 19, 20, 21, 22, 23, 24, 25, 26, 27, 28, 29, 30, 31],
      "CsaImage.SliceMeasurementDuration": [84380.0, 84380.0, 84380.0, 84380.0, 84377.5, 84377.5, 84380.0, 84380.0, 84380.0, 84380.0, 84380.0, 84380.0, 84380.0, 84380.0, 84380.0, 84377.5, 84380.0, 84380.0, 84380.0, 84380.0, 84377.5, 84377.5, 84380.0, 84380.0, 84380.0, 84380.0, 84377.5, 84380.0, 84380.0, 84380.0, 84380.0, 84380.0],
      "CsaImage.SlicePosition_PCS": [
        [-127.50237413, -124.01792591, -57.56811196],
        [-127.8443944, -124.05203503, -53.58290917],
        [-128.18641491, -124.08614462, -49.59770257],
        [-128.52843518, -124.12025374, -45.61249596],
        [-128.87045546, -124.15436333, -41.62729127],
        [-129.21247597, -124.18847245, -37.64208657],
        [-129.554496, -124.22258156, -33.65688187],
        [-129.89651651, -124.25669115, -29.67167527],
        [-130.23853703, -124.29080027, -25.68647057],
        [-130.58055706, -124.32490986, -21.70126588],
        [-130.92257757, -124.35901898, -17.7160607],
        [-131.26459808, -124.39312809, -13.73085529],
        [-131.60661812, -124.42723768, -9.74565012],
        [-131.94863863, -124.4613468, -5.76044471],
        [-132.29065914, -124.49545639, -1.77523953],
        [-132.63267965, -124.52956551, 2.20996516],
        [-132.97469969, -124.56367462, 6.19517082],
        [-133.31671972, -124.59778422, 10.18037551],
        [-133.65874071, -124.63189333, 14.16558212],
        [-134.00076075, -124.66600292, 18.15078681],
        [-134.34278078, -124.70011204, 22.13599342],
        [-134.68480177, -124.73422116, 26.12119621],
        [-135.0268218, -124.76833075, 30.10640281],
        [-135.36884184, -124.80243986, 34.0916056],
        [-135.71086283, -124.83654946, 38.0768122],
        [-136.05288286, -124.87065857, 42.06201881],
        [-136.3949029, -124.90476769, 46.0472216],
        [-136.73692389, -124.93887728, 50.0324282],
        [-137.07894392, -124.9729864, 54.01763099],
        [-137.42096396, -125.00709599, 58.00283759],
        [-137.76298494, -125.0412051, 61.9880442],
        [-138.10500498, -125.07531422, 65.9732508]
],
      "CsaImage.TimeAfterStart": [1.0075, 0.6725, 1.0275, 0.6925, 1.0475, 0.7125, 1.07, 0.735, 1.09, 0.755, 1.11, 0.7775, 1.1325, 0.7975, 1.1525, 0.8175, 1.175, 0.84, 1.195, 0.86, 1.215, 0.88, 1.2375, 0.9025, 1.2575, 0.9225, 1.2775, 0.945, 1.3, 0.965, 1.32, 0.985],
      "ImagePositionPatient": [
        [-127.502, -124.018, -57.5681],
        [-127.844, -124.052, -53.5829],
        [-128.186, -124.086, -49.5977],
        [-128.528, -124.12, -45.6125],
        [-128.87, -124.154, -41.6273],
        [-129.212, -124.188, -37.6421],
        [-129.554, -124.223, -33.6569],
        [-129.897, -124.257, -29.6717],
        [-130.239, -124.291, -25.6865],
        [-130.581, -124.325, -21.7013],
        [-130.923, -124.359, -17.7161],
        [-131.265, -124.393, -13.7309],
        [-131.607, -124.427, -9.74565],
        [-131.949, -124.461, -5.76044],
        [-132.291, -124.495, -1.77524],
        [-132.633, -124.53, 2.20997],
        [-132.975, -124.564, 6.19517],
        [-133.317, -124.598, 10.1804],
        [-133.659, -124.632, 14.1656],
        [-134.001, -124.666, 18.1508],
        [-134.343, -124.7, 22.136],
        [-134.685, -124.734, 26.1212],
        [-135.027, -124.768, 30.1064],
        [-135.369, -124.802, 34.0916],
        [-135.711, -124.837, 38.0768],
        [-136.053, -124.871, 42.062],
        [-136.395, -124.905, 46.0472],
        [-136.737, -124.939, 50.0324],
        [-137.079, -124.973, 54.0176],
        [-137.421, -125.007, 58.0028],
        [-137.763, -125.041, 61.988],
        [-138.105, -125.075, 65.9733]
],
      "InstanceNumber": [1, 2, 3, 4, 5, 6, 7, 8, 9, 10, 11, 12, 13, 14, 15, 16, 17, 18, 19, 20, 21, 22, 23, 24, 25, 26, 27, 28, 29, 30, 31, 32],
      "SliceLocation": [-45.3955, -41.3955, -37.3955, -33.3955, -29.3955, -25.3955, -21.3955, -17.3955, -13.3955, -9.39554, -5.39554, -1.39554, 2.60446, 6.60446, 10.6045, 14.6045, 18.6045, 22.6045, 26.6045, 30.6045, 34.6045, 38.6045, 42.6045, 46.6045, 50.6045, 54.6045, 58.6045, 62.6045, 66.6045, 70.6045, 74.6045, 78.6045],
      "WindowCenter": [-44.0, -36.0, -38.0, -116.0, -100.0, -152.0, -254.0, -238.0, -328.0, -352.0, -344.0, -326.0, -320.0, -256.0, -218.0, -178.0, -190.0, -196.0, -164.0, -196.0, -162.0, -190.0, -190.0, -194.0, -190.0, -282.0, -142.0, -206.0, -170.0, -220.0, -310.0, -336.0],
      "WindowWidth": [6592.0, 6564.0, 6578.0, 6518.0, 6516.0, 6294.0, 5964.0, 5750.0, 5016.0, 4718.0, 4696.0, 4648.0, 4610.0, 4580.0, 4504.0, 4586.0, 4528.0, 4580.0, 4554.0, 4638.0, 4568.0, 4650.0, 4624.0, 4686.0, 4688.0, 4792.0, 5460.0, 5748.0, 5720.0, 5848.0, 5612.0, 5720.0]
    }
  }
}