{
  "AcquisitionMatrixPE": 64,
  "AcquisitionNumber": 1,
  "AcquisitionTime": "11:55:49.565000",
  "BaseResolution": 64,
  "BodyPartExamined": "HEAD",
  "ConversionSoftware": "dcm2niix",
  "ConversionSoftwareVersion": "v1.0.20171017 GCC6.3.0",
  "DeviceSerialNumber": "35177",
  "EchoTime": 0.00519,
  "FlipAngle": 60,
  "ImageOrientationPatientDICOM": [
    0.999687,
    0.0191939,
    -0.0160729,
    -0.0173115,
    0.993778,
    0.110023
  ],
  "ImageType": [
    "ORIGINAL",
    "PRIMARY",
    "M",
    "ND",
    "NORM"
  ],
  "InPlanePhaseEncodingDirectionDICOM": "COL",
  "InstitutionAddress": "Scott_Ave._4525_St._Louis_MO_US_63110",
  "InstitutionName": "Washington_University",
  "MRAcquisitionType": "2D",
  "MagneticFieldStrength": 3,
  "Manufacturer": "Siemens",
  "ManufacturersModelName": "TrioTim",
  "Modality": "MR",
  "PartialFourier": 1,
  "PatientPosition": "HFS",
  "PercentPhaseFOV": 100,
  "PhaseEncodingDirection": "j-",
  "PhaseEncodingSteps": 64,
  "PhaseResolution": 1,
  "PixelBandwidth": 528,
  "ProcedureStepDescription": "head_GREENE",
  "ProtocolName": "gre_field_mapping_4x4x4_32",
  "PulseSequenceDetails": "%SiemensSeq%_gre_field_mapping",
  "ReceiveCoilName": "HeadMatrix",
  "ReconMatrixPE": 64,
  "RepetitionTime": 0.667,
  "SAR": 0.135995,
  "ScanningSequence": "GR",
  "SequenceName": "_fm2d2r",
  "SequenceVariant": "SP",
  "SeriesDescription": "gre_field_mapping_4x4x4_32",
  "SeriesNumber": 12,
  "ShimSetting": [
    -238,
    -19598,
    7970,
    192,
    121,
    -575,
    432,
    55
  ],
  "SliceThickness": 4,
  "SoftwareVersions": "syngo_MR_B17",
  "SpacingBetweenSlices": 4,
  "StationName": "MRC35177",
  "TxRefAmp": 334.858
}