{
  "AcquisitionMatrixPE": 256,
  "AcquisitionNumber": 1,
  "AcquisitionTime": "13:23:50.905000",
  "BaseResolution": 256,
  "BodyPartExamined": "HEAD",
  "ConversionSoftware": "dcm2niix",
  "ConversionSoftwareVersion": "v1.0.20171017 GCC6.3.0",
  "DeviceSerialNumber": "35177",
  "DwellTime": 8.9e-06,
  "EchoTime": 0.00308,
  "FlipAngle": 8,
  "ImageOrientationPatientDICOM": [-0.120484, 0.992157, -0.0332839, 0.0301199, -0.0298591, -0.9991],
  "ImageType": [
    "ORIGINAL",
    "PRIMARY",
    "M",
    "ND",
    "NORM"
],
  "InPlanePhaseEncodingDirectionDICOM": "ROW",
  "InstitutionAddress": "Scott_Ave._4525_St._Louis_MO_US_63110",
  "InstitutionName": "Washington_University",
  "InstitutionalDepartmentName": "Department",
  "InversionTime": 1,
  "MRAcquisitionType": "3D",
  "MagneticFieldStrength": 3,
  "Manufacturer": "Siemens",
  "ManufacturersModelName": "TrioTim",
  "Modality": "MR",
  "ParallelReductionFactorInPlane": 2,
  "PartialFourier": 1,
  "PatientPosition": "HFS",
  "PercentPhaseFOV": 100,
  "PhaseEncodingSteps": 383,
  "PhaseOversampling": 0.5,
  "PhaseResolution": 1,
  "PixelBandwidth": 219,
  "ProcedureStepDescription": "head_GREENE",
  "ProtocolName": "Mprage",
  "PulseSequenceDetails": "%SiemensSeq%_tfl",
  "ReceiveCoilName": "HeadMatrix",
  "ReconMatrixPE": 256,
  "RepetitionTime": 2.4,
  "SAR": 0.0873829,
  "ScanOptions": "IR",
  "ScanningSequence": "GR_IR",
  "SequenceName": "_tfl3d1_ns",
  "SequenceVariant": "SP_MP_OSP",
  "SeriesDescription": "Mprage",
  "SeriesNumber": 23,
  "ShimSetting": [-231, -19485, 7960, 384, -181, -649, 212, -28],
  "SliceThickness": 1,
  "SoftwareVersions": "syngo_MR_B17",
  "StationName": "MRC35177",
  "TxRefAmp": 329.147,
  "dcmmeta_affine": [
    [0.9922582507133484, -0.12048393487930298, 0.03011992946267128, -113.47503662109375],
    [0.12137802690267563, 0.9921571612358093, -0.02985912561416626, -128.79319763183594],
    [-0.026286158710718155, 0.03328385949134827, 0.9991002082824707, -132.62518310546875],
    [0.0, 0.0, 0.0, 1.0]
],
  "dcmmeta_reorient_transform": [
    [0.0, 0.0, -1.0, 255.0],
    [0.0, -1.0, 0.0, 255.0],
    [-1.0, 0.0, 0.0, 255.0],
    [0.0, 0.0, 0.0, 1.0]
],
  "dcmmeta_shape": [256, 256, 256],
  "dcmmeta_slice_dim": 0,
  "dcmmeta_version": 0.6,
  "global": {
    "const": {
      "AccessionNumber": ".",
      "AcquisitionMatrix": [0, 256, 256, 0],
      "AcquisitionNumber": 1,
      "AcquisitionTime": "132350.905000",
      "AngioFlag": "N",
      "BitsAllocated": 16,
      "BitsStored": 12,
      "BodyPartExamined": "HEAD",
      "Columns": 256,
      "DeidentificationMethodCodeSequence": [
        {
          "CodeMeaning": "XNAT Edit Script",
          "CodeValue": "625500",
          "CodingSchemeDesignator": "XNAT",
          "CodingSchemeVersion": "0.1"}
],
      "EchoNumbers": 1,
      "EchoTime": 3.08,
      "EchoTrainLength": 1,
      "FlipAngle": 8.0,
      "HighBit": 11,
      "ImageOrientationPatient": [-0.1204839324009, 0.99215714817741, -0.0332838602581, 0.03011992892318, -0.0298591248671, -0.9991002064577],
      "ImageType": [
        "ORIGINAL",
        "PRIMARY",
        "M",
        "ND",
        "NORM"
],
      "ImagedNucleus": "1H",
      "ImagingFrequency": 123.25599,
      "InPlanePhaseEncodingDirection": "ROW",
      "InversionTime": 1000.0,
      "MRAcquisitionType": "3D",
      "MagneticFieldStrength": 3.0,
      "Manufacturer": "SIEMENS",
      "ManufacturerModelName": "TrioTim",
      "Modality": "MR",
      "NumberOfAverages": 1.0,
      "NumberOfPhaseEncodingSteps": 383,
      "PercentPhaseFieldOfView": 100.0,
      "PercentSampling": 100.0,
      "PerformedProcedureStepStartTime": "114134.765000",
      "PhotometricInterpretation": "MONOCHROME2",
      "PixelBandwidth": 219.0,
      "PixelRepresentation": 0,
      "PixelSpacing": [1.0, 1.0],
      "PositionReferenceIndicator": "",
      "ProtocolName": "Mprage",
      "RepetitionTime": 2400.0,
      "Rows": 256,
      "SAR": 0.0873828955952,
      "SamplesPerPixel": 1,
      "ScanOptions": "IR",
      "ScanningSequence": [
        "GR",
        "IR"
],
      "SequenceName": "*tfl3d1_ns",
      "SequenceVariant": [
        "SP",
        "MP",
        "OSP"
],
      "SeriesDescription": "Mprage",
      "SeriesNumber": 23,
      "SeriesTime": "133159.312000",
      "SliceThickness": 1.0,
      "SmallestImagePixelValue": 0,
      "SoftwareVersions": "syngo MR B17",
      "SpecificCharacterSet": "ISO_IR 100",
      "StudyID": "1",
      "StudyTime": "114134.734000",
      "TransmitCoilName": "Body",
      "VariableFlipAngleFlag": "N",
      "WindowCenterWidthExplanation": "Algo1",
      "dBdt": 0.0},
