{
  "AcquisitionMatrixPE": 128,
  "AcquisitionNumber": 1,
  "AcquisitionTime": "17:10:42.885000",
  "BaseResolution": 256,
  "BodyPartExamined": "HEAD",
  "ConversionSoftware": "dcm2niix",
  "ConversionSoftwareVersion": "v1.0.20171017 GCC6.3.0",
  "DeviceSerialNumber": "35177",
  "DwellTime": 9.8e-06,
  "EchoTime": 0.084,
  "EchoTrainLength": 17,
  "FlipAngle": 120,
  "ImageOrientationPatientDICOM": [0.990617, 0.106063, 0.0861858, -0.109171, 0.993502, 0.0321727],
  "ImageType": [
    "ORIGINAL",
    "PRIMARY",
    "M",
    "ND",
    "NORM"
],
  "InPlanePhaseEncodingDirectionDICOM": "COL",
  "InstitutionAddress": "Scott_Ave._4525_St._Louis_MO_US_63110",
  "InstitutionName": "Washington_University",
  "InstitutionalDepartmentName": "Department",
  "MRAcquisitionType": "2D",
  "MagneticFieldStrength": 3,
  "Manufacturer": "Siemens",
  "ManufacturersModelName": "TrioTim",
  "Modality": "MR",
  "ParallelReductionFactorInPlane": 3,
  "PartialFourier": 1,
  "PatientPosition": "HFS",
  "PercentPhaseFOV": 100,
  "PhaseEncodingDirection": "j-",
  "PhaseEncodingSteps": 128,
  "PhaseResolution": 0.5,
  "PixelBandwidth": 199,
  "ProcedureStepDescription": "head_GREENE",
  "ProtocolName": "T2_weighted",
  "PulseSequenceDetails": "%SiemensSeq%_tse",
  "ReceiveCoilName": "HeadMatrix",
  "ReconMatrixPE": 256,
  "RepetitionTime": 6.8,
  "SAR": 0.494761,
  "ScanningSequence": "SE",
  "SequenceName": "_tse2d1_17",
  "SequenceVariant": "SK_SP",
  "SeriesDescription": "T2_weighted",
  "SeriesNumber": 4,
  "ShimSetting": [-193, -19515, 8035, 120, -26, -458, -86, -27],
  "SliceThickness": 4,
  "SoftwareVersions": "syngo_MR_B17",
  "SpacingBetweenSlices": 4,
  "StationName": "MRC35177",
  "TxRefAmp": 342.827,
  "dcmmeta_affine": [
    [-0.9906173348426819, -0.1091705709695816, 0.3288538455963135, 134.63623046875],
    [-0.10606259107589722, 0.9935022592544556, 0.16511917114257812, -121.19673919677734],
    [0.08618583530187607, -0.03217274695634842, 3.9830398559570312, -58.864418029785156],
    [0.0, 0.0, 0.0, 1.0]
],
  "dcmmeta_reorient_transform": [
    [0.0, -1.0, 0.0, 255.0],
    [1.0, 0.0, 0.0, 0.0],
    [0.0, 0.0, -1.0, 31.0],
    [0.0, 0.0, 0.0, 1.0]
],
  "dcmmeta_shape": [256, 256, 32],
  "dcmmeta_slice_dim": 2,
  "dcmmeta_version": 0.6,
  "global": {
    "const": {
      "AccessionNumber": ".",
      "AcquisitionMatrix": [256, 0, 0, 128],
      "AcquisitionNumber": 1,
      "AngioFlag": "N",
      "BitsAllocated": 16,
      "BitsStored": 12,
      "BodyPartExamined": "HEAD",
      "Columns": 256,
      "DeidentificationMethodCodeSequence": [
        {
          "CodeMeaning": "XNAT Edit Script",
          "CodeValue": "625500",
          "CodingSchemeDesignator": "XNAT",
          "CodingSchemeVersion": "0.1"}
],
      "EchoNumbers": 1,
      "EchoTime": 84.0,
      "EchoTrainLength": 17,
      "FlipAngle": 120.0,
      "HighBit": 11,
      "ImageOrientationPatient": [0.99061734705466, 0.10606259378575, 0.08618583360285, -0.1091705692284, 0.993502240092, 0.03217274850731],
      "ImageType": [
        "ORIGINAL",
        "PRIMARY",
        "M",
        "ND",
        "NORM"
],
      "ImagedNucleus": "1H",
      "ImagingFrequency": 123.255883,
      "InPlanePhaseEncodingDirection": "COL",
      "MRAcquisitionType": "2D",
      "MagneticFieldStrength": 3.0,
      "Manufacturer": "SIEMENS",
      "ManufacturerModelName": "TrioTim",
      "Modality": "MR",
      "NumberOfAverages": 1.0,
      "NumberOfPhaseEncodingSteps": 128,
      "PercentPhaseFieldOfView": 100.0,
      "PercentSampling": 50.0,
      "PerformedProcedureStepStartTime": "170758.500000",
      "PhotometricInterpretation": "MONOCHROME2",
      "PixelBandwidth": 199.0,
      "PixelRepresentation": 0,
      "PixelSpacing": [1.0, 1.0],
      "PositionReferenceIndicator": "",
      "ProtocolName": "T2 weighted",
      "RepetitionTime": 6800.0,
      "Rows": 256,
      "SAR": 0.4947614860256,
      "SamplesPerPixel": 1,
      "ScanningSequence": "SE",
      "SequenceName": "*tse2d1_17",
      "SequenceVariant": [
        "SK",
        "SP"
],
      "SeriesDescription": "T2 weighted",
      "SeriesNumber": 4,
      "SeriesTime": "171101.375000",
      "SliceThickness": 4.0,
      "SmallestImagePixelValue": 0,
      "SoftwareVersions": "syngo MR B17",
      "SpacingBetweenSlices": 4.0,
      "SpecificCharacterSet": "ISO_IR 100",
      "StudyID": "1",
      "StudyTime": "170758.453000",
      "TransmitCoilName": "Body",
      "VariableFlipAngleFlag": "N",
      "WindowCenterWidthExplanation": "Algo1",
      "dBdt": 0.0},
