{
  "AcquisitionMatrixPE": 258,
  "AcquisitionNumber": 1,
  "AcquisitionTime": "11:36:30.022500",
  "BaseResolution": 256,
  "BodyPartExamined": "HEAD",
  "ConversionSoftware": "dcm2niix",
  "ConversionSoftwareVersion": "v1.0.20171017 GCC6.3.0",
  "DeviceSerialNumber": "35177",
  "DwellTime": 2.6e-06,
  "EchoTime": 0.479,
  "EchoTrainLength": 141,
  "FlipAngle": 120,
  "ImageOrientationPatientDICOM": [-0.0401337, 0.928136, 0.370072, -0.0353738, 0.368818, -0.928828],
  "ImageType": [
    "ORIGINAL",
    "PRIMARY",
    "M",
    "ND",
    "NORM"
],
  "InPlanePhaseEncodingDirectionDICOM": "ROW",
  "InstitutionAddress": "Scott_Ave._4525_St._Louis_MO_US_63110",
  "InstitutionName": "Washington_University",
  "InstitutionalDepartmentName": "Department",
  "MRAcquisitionType": "3D",
  "MagneticFieldStrength": 3,
  "Manufacturer": "Siemens",
  "ManufacturersModelName": "TrioTim",
  "Modality": "MR",
  "ParallelReductionFactorInPlane": 2,
  "PartialFourier": 1,
  "PatientPosition": "HFS",
  "PercentPhaseFOV": 100,
  "PhaseEncodingSteps": 246,
  "PhaseResolution": 1.00781,
  "PixelBandwidth": 751,
  "ProcedureStepDescription": "head_GREENE",
  "ProtocolName": "T2_.8x.8x.8_224Slices",
  "PulseSequenceDetails": "%SiemensSeq%_tse_vfl",
  "ReceiveCoilName": "HeadMatrix",
  "ReconMatrixPE": 256,
  "RepetitionTime": 3.2,
  "SAR": 0.247406,
  "ScanOptions": "PFP",
  "ScanningSequence": "SE",
  "SequenceName": "_spc3d1_282ns",
  "SequenceVariant": "SK_SP",
  "SeriesDescription": "T2_.8x.8x.8_224Slices",
  "SeriesNumber": 18,
  "ShimSetting": [-245, -19609, 8031, 424, 105, -605, 318, -73],
  "SliceThickness": 0.8,
  "SoftwareVersions": "syngo_MR_B17",
  "StationName": "MRC35177",
  "TxRefAmp": 343.407,
  "dcmmeta_affine": [
    [0.7988543510437012, -0.03213835135102272, -0.028326664119958878, -76.39351654052734],
    [0.04029455780982971, 0.7432337999343872, 0.2953427731990814, -128.4385528564453],
    [0.014423693530261517, -0.2963465750217438, 0.7437881827354431, -37.51189422607422],
    [0.0, 0.0, 0.0, 1.0]
],
  "dcmmeta_reorient_transform": [
    [0.0, 0.0, -1.0, 255.0],
    [0.0, -1.0, 0.0, 255.0],
    [-1.0, 0.0, 0.0, 223.0],
    [0.0, 0.0, 0.0, 1.0]
],
  "dcmmeta_shape": [224, 256, 256],
  "dcmmeta_slice_dim": 0,
  "dcmmeta_version": 0.6,
  "global": {
    "const": {
      "AccessionNumber": ".",
      "AcquisitionMatrix": [0, 256, 258, 0],
      "AcquisitionNumber": 1,
      "AcquisitionTime": "113630.022500",
      "AngioFlag": "N",
      "BitsAllocated": 16,
      "BitsStored": 12,
      "BodyPartExamined": "HEAD",
      "Columns": 256,
      "DeidentificationMethodCodeSequence": [
        {
          "CodeMeaning": "XNAT Edit Script",
          "CodeValue": "625500",
          "CodingSchemeDesignator": "XNAT",
          "CodingSchemeVersion": "0.1"}
],
      "EchoNumbers": 1,
      "EchoTime": 479.0,
      "EchoTrainLength": 141,
      "FlipAngle": 120.0,
      "HighBit": 11,
      "ImageOrientationPatient": [-0.0401337478379, 0.92813583196884, 0.37007183045999, -0.0353737842935, 0.36881827797992, -0.9288281720602],
      "ImageType": [
        "ORIGINAL",
        "PRIMARY",
        "M",
        "ND",
        "NORM"
],
      "ImagedNucleus": "1H",
      "ImagingFrequency": 123.255755,
      "InPlanePhaseEncodingDirection": "ROW",
      "MRAcquisitionType": "3D",
      "MagneticFieldStrength": 3.0,
      "Manufacturer": "SIEMENS",
      "ManufacturerModelName": "TrioTim",
      "Modality": "MR",
      "NumberOfAverages": 1.0,
      "NumberOfPhaseEncodingSteps": 246,
      "PercentPhaseFieldOfView": 100.0,
      "PercentSampling": 100.7813,
      "PerformedProcedureStepStartTime": "100414.234000",
      "PhotometricInterpretation": "MONOCHROME2",
      "PixelBandwidth": 751.0,
      "PixelRepresentation": 0,
      "PixelSpacing": [0.80078125, 0.80078125],
      "PositionReferenceIndicator": "",
      "ProtocolName": "T2_.8x.8x.8_224Slices",
      "RepetitionTime": 3200.0,
      "Rows": 256,
      "SAR": 0.24740641933035,
      "SamplesPerPixel": 1,
      "ScanOptions": "PFP",
      "ScanningSequence": "SE",
      "SequenceName": "*spc3d1_282ns",
      "SequenceVariant": [
        "SK",
        "SP"
],
      "SeriesDescription": "T2_.8x.8x.8_224Slices",
      "SeriesNumber": 18,
      "SeriesTime": "114144.093000",
      "SliceThickness": 0.80000001192093,
      "SmallestImagePixelValue": 0,
      "SoftwareVersions": "syngo MR B17",
      "SpecificCharacterSet": "ISO_IR 100",
      "StudyID": "1",
      "StudyTime": "100414.156000",
      "TransmitCoilName": "Body",
      "VariableFlipAngleFlag": "Y",
      "WindowCenterWidthExplanation": "Algo1",
      "dBdt": 0.0},
