{
  "AcquisitionMatrixPE": 64,
  "AcquisitionNumber": 1,
  "AcquisitionTime": "15:52:53.597500",
  "BandwidthPerPixelPhaseEncode": 26.483,
  "BaseResolution": 64,
  "BodyPartExamined": "HEAD",
  "ConversionSoftware": "dcm2niix",
  "ConversionSoftwareVersion": "v1.0.20171017 GCC6.3.0",
  "DerivedVendorReportedEchoSpacing": 0.000590001,
  "DeviceSerialNumber": "35177",
  "DwellTime": 4.1e-06,
  "EchoTime": 0.027,
  "EffectiveEchoSpacing": 0.000590001,
  "FlipAngle": 90,
  "ImageOrientationPatientDICOM": [0.998355, 0.0435742, 0.037263, -0.0487645, 0.987152, 0.152161],
  "ImageType": [
    "ORIGINAL",
    "PRIMARY",
    "M",
    "ND",
    "NORM",
    "MOSAIC"
],
  "InPlanePhaseEncodingDirectionDICOM": "COL",
  "InstitutionAddress": "Scott_Ave._4525_St._Louis_MO_US_63110",
  "InstitutionName": "Washington_University",
  "InstitutionalDepartmentName": "Department",
  "MRAcquisitionType": "2D",
  "MagneticFieldStrength": 3,
  "Manufacturer": "Siemens",
  "ManufacturersModelName": "TrioTim",
  "Modality": "MR",
  "PartialFourier": 1,
  "PatientPosition": "HFS",
  "PercentPhaseFOV": 100,
  "PhaseEncodingDirection": "j-",
  "PhaseEncodingSteps": 64,
  "PhaseResolution": 1,
  "PixelBandwidth": 1905,
  "ProcedureStepDescription": "head_GREENE",
  "ProtocolName": "ep2d_bold_rest1",
  "PulseSequenceDetails": "%SiemensSeq%_ep2d_bold",
  "ReceiveCoilName": "HeadMatrix",
  "ReconMatrixPE": 64,
  "RepetitionTime": 2.5,
  "SAR": 0.141138,
  "ScanOptions": "FS",
  "ScanningSequence": "EP",
  "SequenceName": "_epfid2d1_64",
  "SequenceVariant": "SK",
  "SeriesDescription": "ep2d_bold_rest1",
  "SeriesNumber": 6,
  "ShimSetting": [-246, -19610, 8015, 466, -98, -597, 473, 205],
  "SliceThickness": 4,
  "SliceTiming": [1.255, 0, 1.335, 0.08, 1.4125, 0.1575, 1.49, 0.235, 1.57, 0.315, 1.6475, 0.3925, 1.7275, 0.4725, 1.805, 0.55, 1.8825, 0.6275, 1.9625, 0.7075, 2.04, 0.785, 2.1175, 0.8625, 2.1975, 0.9425, 2.275, 1.02, 2.3525, 1.1, 2.4325, 1.1775],
  "SoftwareVersions": "syngo_MR_B17",
  "SpacingBetweenSlices": 4,
  "StationName": "MRC35177",
  "TaskName": "restbaseline",
  "TotalReadoutTime": 0.0371701,
  "TxRefAmp": 300.411,
  "dcmmeta_affine": [
    [-3.993420124053955, -0.19505809247493744, 0.12061609327793121, 133.52166748046875],
    [-0.17429672181606293, 3.948608160018921, 0.6149094104766846, -127.9537582397461],
    [0.1490521878004074, -0.6086421012878418, 3.9506125450134277, -5.128543853759766],
    [0.0, 0.0, 0.0, 1.0]
],
  "dcmmeta_reorient_transform": [
    [0.0, -1.0, 0.0, 63.0],
    [1.0, 0.0, 0.0, 0.0],
    [0.0, 0.0, 1.0, 0.0],
    [0.0, 0.0, 0.0, 1.0]
],
  "dcmmeta_shape": [64, 64, 32, 164],
  "dcmmeta_slice_dim": 2,
  "dcmmeta_version": 0.6,
  "global": {
    "const": {
      "AccessionNumber": ".",
      "AcquisitionMatrix": [64, 0, 0, 64],
      "AngioFlag": "N",
      "BitsAllocated": 16,
      "BitsStored": 12,
      "BodyPartExamined": "HEAD",
      "Columns": 384,
      "DeidentificationMethodCodeSequence": [
        {
          "CodeMeaning": "XNAT Edit Script",
          "CodeValue": "625500",
          "CodingSchemeDesignator": "XNAT",
          "CodingSchemeVersion": "0.1"}
],
      "EchoNumbers": 1,
      "EchoTime": 27.0,
      "EchoTrainLength": 1,
      "FlipAngle": 90.0,
      "HighBit": 11,
      "ImageOrientationPatient": [0.99835502515944, 0.04357418048557, 0.03726304515074, -0.0487645232764, 0.98715206230156, 0.15216053089878],
      "ImagePositionPatient": [-728.97092893958, -780.47336004371, -164.70408634378],
      "ImageType": [
        "ORIGINAL",
        "PRIMARY",
        "M",
        "ND",
        "NORM",
        "MOSAIC"
],
      "ImagedNucleus": "1H",
      "ImagingFrequency": 123.255989,
      "InPlanePhaseEncodingDirection": "COL",
      "MRAcquisitionType": "2D",
      "MagneticFieldStrength": 3.0,
      "Manufacturer": "SIEMENS",
      "ManufacturerModelName": "TrioTim",
      "Modality": "MR",
      "NumberOfAverages": 1.0,
      "NumberOfPhaseEncodingSteps": 64,
      "PercentPhaseFieldOfView": 100.0,
      "PercentSampling": 100.0,
      "PerformedProcedureStepStartTime": "154413.656000",
      "PhotometricInterpretation": "MONOCHROME2",
      "PixelBandwidth": 1905.0,
      "PixelRepresentation": 0,
      "PixelSpacing": [4.0, 4.0],
      "PositionReferenceIndicator": "",
      "ProtocolName": "ep2d_bold_rest1",
      "RepetitionTime": 2500.0,
      "Rows": 384,
      "SAR": 0.14113791208406,
      "SamplesPerPixel": 1,
      "ScanOptions": "FS",
      "ScanningSequence": "EP",
      "SequenceName": "*epfid2d1_64",
      "SequenceVariant": "SK",
      "SeriesDescription": "ep2d_bold_rest1",
      "SeriesNumber": 6,
      "SeriesTime": "155256.203000",
      "SliceLocation": -20.708998102533,
      "SliceThickness": 4.0,
      "SmallestImagePixelValue": 0,
      "SoftwareVersions": "syngo MR B17",
      "SpacingBetweenSlices": 4.0000002158948,
      "SpecificCharacterSet": "ISO_IR 100",
      "StudyID": "1",
      "StudyTime": "154413.609000",
      "TransmitCoilName": "Body",
      "VariableFlipAngleFlag": "N",
      "WindowCenterWidthExplanation": "Algo1",
      "dBdt": 0.0},
