{
  "AcquisitionMatrixPE": 64,
  "AcquisitionNumber": 1,
  "AcquisitionTime": "13:33:54.067500",
  "BaseResolution": 64,
  "BodyPartExamined": "HEAD",
  "ConversionSoftware": "dcm2niix",
  "ConversionSoftwareVersion": "v1.0.20171017 GCC6.3.0",
  "DeviceSerialNumber": "35177",
  "DwellTime": 1.48e-05,
  "EchoNumber": 2,
  "EchoTime": 0.00765,
  "EchoTime1": 0.00765,
  "EchoTime2": 0.00519,
  "FlipAngle": 60,
  "ImageOrientationPatientDICOM": [0.996929, -0.062634, 0.0470088, 0.0604511, 0.997087, 0.0465048],
  "ImageType": [
    "ORIGINAL",
    "PRIMARY",
    "P",
    "ND"
],
  "InPlanePhaseEncodingDirectionDICOM": "COL",
  "InstitutionAddress": "Scott_Ave._4525_St._Louis_MO_US_63110",
  "InstitutionName": "Washington_University",
  "InstitutionalDepartmentName": "Department",
  "MRAcquisitionType": "2D",
  "MagneticFieldStrength": 3,
  "Manufacturer": "Siemens",
  "ManufacturersModelName": "TrioTim",
  "Modality": "MR",
  "PartialFourier": 1,
  "PatientPosition": "HFS",
  "PercentPhaseFOV": 100,
  "PhaseEncodingDirection": "j-",
  "PhaseEncodingSteps": 64,
  "PhaseResolution": 1,
  "PixelBandwidth": 528,
  "ProcedureStepDescription": "head_GREENE",
  "ProtocolName": "gre_field_mapping_4x4x4_32",
  "PulseSequenceDetails": "%SiemensSeq%_gre_field_mapping",
  "ReceiveCoilName": "HeadMatrix",
  "ReconMatrixPE": 64,
  "RepetitionTime": 0.667,
  "SAR": 0.116662,
  "ScanningSequence": "GR",
  "SequenceName": "_fm2d2r",
  "SequenceVariant": "SP",
  "SeriesDescription": "gre_field_mapping_4x4x4_32",
  "SeriesNumber": 13,
  "ShimSetting": [-189, -19533, 7969, 269, 49, -564, 244, -70],
  "SliceThickness": 4,
  "SoftwareVersions": "syngo_MR_B17",
  "SpacingBetweenSlices": 4,
  "StationName": "MRC35177",
  "TxRefAmp": 335.725,
  "dcmmeta_affine": [
    [-3.987715482711792, 0.24180446565151215, 0.19913864135742188, 120.38082885742188],
    [0.25053614377975464, 3.988348960876465, 0.17408084869384766, -131.79046630859375],
    [0.18803516030311584, -0.18601933121681213, 3.9912490844726562, -48.26210021972656],
    [0.0, 0.0, 0.0, 1.0]
],
  "dcmmeta_reorient_transform": [
    [0.0, -1.0, 0.0, 63.0],
    [1.0, 0.0, 0.0, 0.0],
    [0.0, 0.0, -1.0, 31.0],
    [0.0, 0.0, 0.0, 1.0]
],
  "dcmmeta_shape": [64, 64, 32],
  "dcmmeta_slice_dim": 2,
  "dcmmeta_version": 0.6,
  "global": {
    "const": {
      "AccessionNumber": ".",
      "AcquisitionMatrix": [64, 0, 0, 64],
      "AcquisitionNumber": 1,
      "AngioFlag": "N",
      "BitsAllocated": 16,
      "BitsStored": 12,
      "BodyPartExamined": "HEAD",
      "Columns": 64,
      "DeidentificationMethodCodeSequence": [
        {
          "CodeMeaning": "XNAT Edit Script",
          "CodeValue": "625500",
          "CodingSchemeDesignator": "XNAT",
          "CodingSchemeVersion": "0.1"}
],
      "EchoNumbers": 2,
      "EchoTime": 7.65,
      "EchoTrainLength": 1,
      "FlipAngle": 60.0,
      "HighBit": 11,
      "ImageOrientationPatient": [0.99692885962054, -0.0626340353518, 0.04700879142514, 0.06045111524135, 0.99708723946961, 0.04650483365136],
      "ImageType": [
        "ORIGINAL",
        "PRIMARY",
        "P",
        "ND"
],
      "ImagedNucleus": "1H",
      "ImagingFrequency": 123.255896,
      "InPlanePhaseEncodingDirection": "COL",
      "MRAcquisitionType": "2D",
      "MagneticFieldStrength": 3.0,
      "Manufacturer": "SIEMENS",
      "ManufacturerModelName": "TrioTim",
      "Modality": "MR",
      "NumberOfAverages": 1.0,
      "NumberOfPhaseEncodingSteps": 64,
      "PercentPhaseFieldOfView": 100.0,
      "PercentSampling": 100.0,
      "PerformedProcedureStepStartTime": "123052.937000",
      "PhotometricInterpretation": "MONOCHROME2",
      "PixelBandwidth": 528.0,
      "PixelRepresentation": 0,
      "PixelSpacing": [4.0, 4.0],
      "PositionReferenceIndicator": "",
      "ProtocolName": "gre_field_mapping_4x4x4_32",
      "RepetitionTime": 667.0,
      "RescaleIntercept": -4096.0,
      "RescaleSlope": 2.0,
      "RescaleType": "US",
      "Rows": 64,
      "SAR": 0.11666170645688,
      "SamplesPerPixel": 1,
      "ScanningSequence": "GR",
      "SequenceName": "*fm2d2r",
      "SequenceVariant": "SP",
      "SeriesDescription": "gre_field_mapping_4x4x4_32",
      "SeriesNumber": 13,
      "SeriesTime": "133519.828000",
      "SliceThickness": 4.0,
      "SoftwareVersions": "syngo MR B17",
      "SpacingBetweenSlices": 4.0,
      "SpecificCharacterSet": "ISO_IR 100",
      "StudyID": "1",
      "StudyTime": "123052.890000",
      "TransmitCoilName": "Body",
      "VariableFlipAngleFlag": "N",
      "WindowCenterWidthExplanation": "Algo1",
      "dBdt": 0.0},
