{
  "AcquisitionMatrixPE": 258,
  "AcquisitionNumber": 1,
  "AcquisitionTime": "14:38:51.205000",
  "BaseResolution": 256,
  "BodyPartExamined": "HEAD",
  "ConversionSoftware": "dcm2niix",
  "ConversionSoftwareVersion": "v1.0.20171017 GCC6.3.0",
  "DeviceSerialNumber": "35177",
  "DwellTime": 2.6e-06,
  "EchoTime": 0.479,
  "EchoTrainLength": 141,
  "FlipAngle": 120,
  "ImageOrientationPatientDICOM": [-0.0614056, 0.852408, 0.519259, 0.0131257, 0.520886, -0.853526],
  "ImageType": [
    "ORIGINAL",
    "PRIMARY",
    "M",
    "ND",
    "NORM"
],
  "InPlanePhaseEncodingDirectionDICOM": "ROW",
  "InstitutionAddress": "Scott_Ave._4525_St._Louis_MO_US_63110",
  "InstitutionName": "Washington_University",
  "InstitutionalDepartmentName": "Department",
  "MRAcquisitionType": "3D",
  "MagneticFieldStrength": 3,
  "Manufacturer": "Siemens",
  "ManufacturersModelName": "TrioTim",
  "Modality": "MR",
  "ParallelReductionFactorInPlane": 2,
  "PartialFourier": 1,
  "PatientPosition": "HFS",
  "PercentPhaseFOV": 100,
  "PhaseEncodingSteps": 246,
  "PhaseResolution": 1.00781,
  "PixelBandwidth": 751,
  "ProcedureStepDescription": "head_GREENE",
  "ProtocolName": "T2_.8x.8x.8_224Slices",
  "PulseSequenceDetails": "%SiemensSeq%_tse_vfl",
  "ReceiveCoilName": "HeadMatrix",
  "ReconMatrixPE": 256,
  "RepetitionTime": 3.2,
  "SAR": 0.256374,
  "ScanOptions": "PFP",
  "ScanningSequence": "SE",
  "SequenceName": "_spc3d1_282ns",
  "SequenceVariant": "SK_SP",
  "SeriesDescription": "T2_.8x.8x.8_224Slices",
  "SeriesNumber": 14,
  "ShimSetting": [-208, -19588, 8021, 480, 137, -341, -143, -36],
  "SliceThickness": 0.8,
  "SoftwareVersions": "syngo_MR_B17",
  "StationName": "MRC35177",
  "TxRefAmp": 343.009}