{
  "AcquisitionMatrixPE": 64,
  "AcquisitionNumber": 1,
  "AcquisitionTime": "18:34:30.925000",
  "BaseResolution": 64,
  "BodyPartExamined": "HEAD",
  "ConversionSoftware": "dcm2niix",
  "ConversionSoftwareVersion": "v1.0.20171017 GCC6.3.0",
  "DeviceSerialNumber": "35177",
  "DwellTime": 1.48e-05,
  "EchoNumber": 2,
  "EchoTime": 0.00765,
  "EchoTime1": 0.00765,
  "EchoTime2": 0.00519,
  "FlipAngle": 60,
  "ImageOrientationPatientDICOM": [0.9926, -0.120253, 0.0168676, 0.118937, 0.990798, 0.0645976],
  "ImageType": [
    "ORIGINAL",
    "PRIMARY",
    "P",
    "ND"
],
  "InPlanePhaseEncodingDirectionDICOM": "COL",
  "InstitutionAddress": "Scott_Ave._4525_St._Louis_MO_US_63110",
  "InstitutionName": "Washington_University",
  "InstitutionalDepartmentName": "Department",
  "MRAcquisitionType": "2D",
  "MagneticFieldStrength": 3,
  "Manufacturer": "Siemens",
  "ManufacturersModelName": "TrioTim",
  "Modality": "MR",
  "PartialFourier": 1,
  "PatientPosition": "HFS",
  "PercentPhaseFOV": 100,
  "PhaseEncodingDirection": "j-",
  "PhaseEncodingSteps": 64,
  "PhaseResolution": 1,
  "PixelBandwidth": 528,
  "ProcedureStepDescription": "head_GREENE",
  "ProtocolName": "gre_field_mapping_4x4x4_32",
  "PulseSequenceDetails": "%SiemensSeq%_gre_field_mapping",
  "ReceiveCoilName": "HeadMatrix",
  "ReconMatrixPE": 64,
  "RepetitionTime": 0.667,
  "SAR": 0.12736,
  "ScanningSequence": "GR",
  "SequenceName": "_fm2d2r",
  "SequenceVariant": "SP",
  "SeriesDescription": "gre_field_mapping_4x4x4_32",
  "SeriesNumber": 13,
  "ShimSetting": [-249, -19508, 7983, 349, -19, -648, 390, 149],
  "SliceThickness": 4,
  "SoftwareVersions": "syngo_MR_B17",
  "SpacingBetweenSlices": 4,
  "StationName": "MRC35177",
  "TxRefAmp": 345.329,
  "dcmmeta_affine": [
    [-3.970399856567383, 0.4757475256919861, 0.09792184829711914, 114.83399963378906],
    [0.4810115694999695, 3.963192939758301, 0.24845361709594727, -150.8781280517578],
    [0.06747042387723923, -0.25839030742645264, 3.9910736083984375, -24.920339584350586],
    [0.0, 0.0, 0.0, 1.0]
],
  "dcmmeta_reorient_transform": [
    [0.0, -1.0, 0.0, 63.0],
    [1.0, 0.0, 0.0, 0.0],
    [0.0, 0.0, -1.0, 31.0],
    [0.0, 0.0, 0.0, 1.0]
],
  "dcmmeta_shape": [64, 64, 32],
  "dcmmeta_slice_dim": 2,
  "dcmmeta_version": 0.6,
  "global": {
    "const": {
      "AccessionNumber": ".",
      "AcquisitionMatrix": [64, 0, 0, 64],
      "AcquisitionNumber": 1,
      "AngioFlag": "N",
      "BitsAllocated": 16,
      "BitsStored": 12,
      "BodyPartExamined": "HEAD",
      "Columns": 64,
      "DeidentificationMethodCodeSequence": [
        {
          "CodeMeaning": "XNAT Edit Script",
          "CodeValue": "625500",
          "CodingSchemeDesignator": "XNAT",
          "CodingSchemeVersion": "0.1"}
],
      "EchoNumbers": 2,
      "EchoTime": 7.65,
      "EchoTrainLength": 1,
      "FlipAngle": 60.0,
      "HighBit": 11,
      "ImageOrientationPatient": [0.99259998293197, -0.1202528908944, 0.01686760549089, 0.11893688222174, 0.9907982492275, 0.06459758025733],
      "ImageType": [
        "ORIGINAL",
        "PRIMARY",
        "P",
        "ND"
],
      "ImagedNucleus": "1H",
      "ImagingFrequency": 123.25584,
      "InPlanePhaseEncodingDirection": "COL",
      "MRAcquisitionType": "2D",
      "MagneticFieldStrength": 3.0,
      "Manufacturer": "SIEMENS",
      "ManufacturerModelName": "TrioTim",
      "Modality": "MR",
      "NumberOfAverages": 1.0,
      "NumberOfPhaseEncodingSteps": 64,
      "PercentPhaseFieldOfView": 100.0,
      "PercentSampling": 100.0,
      "PerformedProcedureStepStartTime": "173121.500000",
      "PhotometricInterpretation": "MONOCHROME2",
      "PixelBandwidth": 528.0,
      "PixelRepresentation": 0,
      "PixelSpacing": [4.0, 4.0],
      "PositionReferenceIndicator": "",
      "ProtocolName": "gre_field_mapping_4x4x4_32",
      "RepetitionTime": 667.0,
      "RescaleIntercept": -4096.0,
      "RescaleSlope": 2.0,
      "RescaleType": "US",
      "Rows": 64,
      "SAR": 0.1273600749749,
      "SamplesPerPixel": 1,
      "ScanningSequence": "GR",
      "SequenceName": "*fm2d2r",
      "SequenceVariant": "SP",
      "SeriesDescription": "gre_field_mapping_4x4x4_32",
      "SeriesNumber": 13,
      "SeriesTime": "183556.718000",
      "SliceThickness": 4.0,
      "SoftwareVersions": "syngo MR B17",
      "SpacingBetweenSlices": 4.0,
      "SpecificCharacterSet": "ISO_IR 100",
      "StudyID": "1",
      "StudyTime": "173121.453000",
      "TransmitCoilName": "Body",
      "VariableFlipAngleFlag": "N",
      "WindowCenterWidthExplanation": "Algo1",
      "dBdt": 0.0},
