{
  "AcquisitionMatrixPE": 128,
  "AcquisitionNumber": 1,
  "AcquisitionTime": "09:32:15.635000",
  "BaseResolution": 256,
  "BodyPartExamined": "HEAD",
  "ConversionSoftware": "dcm2niix",
  "ConversionSoftwareVersion": "v1.0.20171017 GCC6.3.0",
  "DeviceSerialNumber": "35177",
  "DwellTime": 9.8e-06,
  "EchoTime": 0.084,
  "EchoTrainLength": 17,
  "FlipAngle": 120,
  "ImageOrientationPatientDICOM": [0.993011, 0.0130081, 0.1173, -0.0380841, 0.976055, 0.214163],
  "ImageType": [
    "ORIGINAL",
    "PRIMARY",
    "M",
    "ND",
    "NORM"
],
  "InPlanePhaseEncodingDirectionDICOM": "COL",
  "InstitutionAddress": "Scott_Ave._4525_St._Louis_MO_US_63110",
  "InstitutionName": "Washington_University",
  "InstitutionalDepartmentName": "Department",
  "MRAcquisitionType": "2D",
  "MagneticFieldStrength": 3,
  "Manufacturer": "Siemens",
  "ManufacturersModelName": "TrioTim",
  "Modality": "MR",
  "ParallelReductionFactorInPlane": 3,
  "PartialFourier": 1,
  "PatientPosition": "HFS",
  "PercentPhaseFOV": 100,
  "PhaseEncodingDirection": "j-",
  "PhaseEncodingSteps": 128,
  "PhaseResolution": 0.5,
  "PixelBandwidth": 199,
  "ProcedureStepDescription": "head_GREENE",
  "ProtocolName": "T2_weighted",
  "PulseSequenceDetails": "%SiemensSeq%_tse",
  "ReceiveCoilName": "HeadMatrix",
  "ReconMatrixPE": 256,
  "RepetitionTime": 6.8,
  "SAR": 0.495569,
  "ScanningSequence": "SE",
  "SequenceName": "_tse2d1_17",
  "SequenceVariant": "SK_SP",
  "SeriesDescription": "T2_weighted",
  "SeriesNumber": 4,
  "ShimSetting": [-108, -19595, 7980, 356, 178, -499, 230, -87],
  "SliceThickness": 4,
  "SoftwareVersions": "syngo_MR_B17",
  "SpacingBetweenSlices": 4,
  "StationName": "MRC35177",
  "TxRefAmp": 336.255,
  "dcmmeta_affine": [
    [-0.9930113554000854, -0.03808408975601196, 0.4468214511871338, 121.68622589111328],
    [-0.013008085079491138, 0.9760552048683167, 0.8685346841812134, -147.1217803955078],
    [0.11729995161294937, -0.21416312456130981, 3.8789138793945312, -18.71169662475586],
    [0.0, 0.0, 0.0, 1.0]
],
  "dcmmeta_reorient_transform": [
    [0.0, -1.0, 0.0, 255.0],
    [1.0, 0.0, 0.0, 0.0],
    [0.0, 0.0, -1.0, 31.0],
    [0.0, 0.0, 0.0, 1.0]
],
  "dcmmeta_shape": [256, 256, 32],
  "dcmmeta_slice_dim": 2,
  "dcmmeta_version": 0.6,
  "global": {
    "const": {
      "AccessionNumber": ".",
      "AcquisitionMatrix": [256, 0, 0, 128],
      "AcquisitionNumber": 1,
      "AngioFlag": "N",
      "BitsAllocated": 16,
      "BitsStored": 12,
      "BodyPartExamined": "HEAD",
      "Columns": 256,
      "DeidentificationMethodCodeSequence": [
        {
          "CodeMeaning": "XNAT Edit Script",
          "CodeValue": "625500",
          "CodingSchemeDesignator": "XNAT",
          "CodingSchemeVersion": "0.1"}
],
      "EchoNumbers": 1,
      "EchoTime": 84.0,
      "EchoTrainLength": 17,
      "FlipAngle": 120.0,
      "HighBit": 11,
      "ImageOrientationPatient": [0.99301133479985, 0.01300808539986, 0.11729995171892, -0.0380840908349, 0.97605520185625, 0.21416312697251],
      "ImageType": [
        "ORIGINAL",
        "PRIMARY",
        "M",
        "ND",
        "NORM"
],
      "ImagedNucleus": "1H",
      "ImagingFrequency": 123.255944,
      "InPlanePhaseEncodingDirection": "COL",
      "MRAcquisitionType": "2D",
      "MagneticFieldStrength": 3.0,
      "Manufacturer": "SIEMENS",
      "ManufacturerModelName": "TrioTim",
      "Modality": "MR",
      "NumberOfAverages": 1.0,
      "NumberOfPhaseEncodingSteps": 128,
      "PercentPhaseFieldOfView": 100.0,
      "PercentSampling": 50.0,
      "PerformedProcedureStepStartTime": "092859.453000",
      "PhotometricInterpretation": "MONOCHROME2",
      "PixelBandwidth": 199.0,
      "PixelRepresentation": 0,
      "PixelSpacing": [1.0, 1.0],
      "PositionReferenceIndicator": "",
      "ProtocolName": "T2 weighted",
      "RepetitionTime": 6800.0,
      "Rows": 256,
      "SAR": 0.4955686583429,
      "SamplesPerPixel": 1,
      "ScanningSequence": "SE",
      "SequenceName": "*tse2d1_17",
      "SequenceVariant": [
        "SK",
        "SP"
],
      "SeriesDescription": "T2 weighted",
      "SeriesNumber": 4,
      "SeriesTime": "093240.390000",
      "SliceThickness": 4.0,
      "SmallestImagePixelValue": 0,
      "SoftwareVersions": "syngo MR B17",
      "SpacingBetweenSlices": 4.0,
      "SpecificCharacterSet": "ISO_IR 100",
      "StudyID": "1",
      "StudyTime": "092859.406000",
      "TransmitCoilName": "Body",
      "VariableFlipAngleFlag": "N",
      "WindowCenterWidthExplanation": "Algo1",
      "dBdt": 0.0},
