{
  "AcquisitionMatrixPE": 64,
  "AcquisitionNumber": 1,
  "AcquisitionTime": "17:33:1.945000",
  "BaseResolution": 64,
  "BodyPartExamined": "HEAD",
  "ConversionSoftware": "dcm2niix",
  "ConversionSoftwareVersion": "v1.0.20171017 GCC6.3.0",
  "DeviceSerialNumber": "35177",
  "DwellTime": 1.48e-05,
  "EchoNumber": 2,
  "EchoTime": 0.00765,
  "EchoTime1": 0.00765,
  "EchoTime2": 0.00519,
  "FlipAngle": 60,
  "ImageOrientationPatientDICOM": [0.98811, -0.136615, 0.0705323, 0.121674, 0.975279, 0.184462],
  "ImageType": [
    "ORIGINAL",
    "PRIMARY",
    "P",
    "ND"
],
  "InPlanePhaseEncodingDirectionDICOM": "COL",
  "InstitutionAddress": "Scott_Ave._4525_St._Louis_MO_US_63110",
  "InstitutionName": "Washington_University",
  "InstitutionalDepartmentName": "Department",
  "MRAcquisitionType": "2D",
  "MagneticFieldStrength": 3,
  "Manufacturer": "Siemens",
  "ManufacturersModelName": "TrioTim",
  "Modality": "MR",
  "PartialFourier": 1,
  "PatientPosition": "HFS",
  "PercentPhaseFOV": 100,
  "PhaseEncodingDirection": "j-",
  "PhaseEncodingSteps": 64,
  "PhaseResolution": 1,
  "PixelBandwidth": 528,
  "ProcedureStepDescription": "head_GREENE",
  "ProtocolName": "gre_field_mapping_4x4x4_32",
  "PulseSequenceDetails": "%SiemensSeq%_gre_field_mapping",
  "ReceiveCoilName": "HeadMatrix",
  "ReconMatrixPE": 64,
  "RepetitionTime": 0.667,
  "SAR": 0.149111,
  "ScanningSequence": "GR",
  "SequenceName": "_fm2d2r",
  "SequenceVariant": "SP",
  "SeriesDescription": "gre_field_mapping_4x4x4_32",
  "SeriesNumber": 13,
  "ShimSetting": [-188, -19713, 8012, 403, 38, -813, 507, 175],
  "SliceThickness": 4,
  "SoftwareVersions": "syngo_MR_B17",
  "SpacingBetweenSlices": 4,
  "StationName": "MRC35177",
  "TxRefAmp": 327.701,
  "dcmmeta_affine": [
    [-3.9524402618408203, 0.48669642210006714, 0.37595653533935547, 107.62162780761719],
    [0.5464608669281006, 3.901115894317627, 0.6947481632232666, -157.6194610595703],
    [0.2821291387081146, -0.7378488183021545, 3.9212265014648438, -0.7270842790603638],
    [0.0, 0.0, 0.0, 1.0]
],
  "dcmmeta_reorient_transform": [
    [0.0, -1.0, 0.0, 63.0],
    [1.0, 0.0, 0.0, 0.0],
    [0.0, 0.0, -1.0, 31.0],
    [0.0, 0.0, 0.0, 1.0]
],
  "dcmmeta_shape": [64, 64, 32],
  "dcmmeta_slice_dim": 2,
  "dcmmeta_version": 0.6,
  "global": {
    "const": {
      "AccessionNumber": ".",
      "AcquisitionMatrix": [64, 0, 0, 64],
      "AcquisitionNumber": 1,
      "AngioFlag": "N",
      "BitsAllocated": 16,
      "BitsStored": 12,
      "BodyPartExamined": "HEAD",
      "Columns": 64,
      "DeidentificationMethodCodeSequence": [
        {
          "CodeMeaning": "XNAT Edit Script",
          "CodeValue": "625500",
          "CodingSchemeDesignator": "XNAT",
          "CodingSchemeVersion": "0.1"}
],
      "EchoNumbers": 2,
      "EchoTime": 7.65,
      "EchoTrainLength": 1,
      "FlipAngle": 60.0,
      "HighBit": 11,
      "ImageOrientationPatient": [0.98811005484135, -0.1366152136366, 0.07053228285303, 0.12167410539309, 0.97527898910252, 0.18446220613435],
      "ImageType": [
        "ORIGINAL",
        "PRIMARY",
        "P",
        "ND"
],
      "ImagedNucleus": "1H",
      "ImagingFrequency": 123.255799,
      "InPlanePhaseEncodingDirection": "COL",
      "MRAcquisitionType": "2D",
      "MagneticFieldStrength": 3.0,
      "Manufacturer": "SIEMENS",
      "ManufacturerModelName": "TrioTim",
      "Modality": "MR",
      "NumberOfAverages": 1.0,
      "NumberOfPhaseEncodingSteps": 64,
      "PercentPhaseFieldOfView": 100.0,
      "PercentSampling": 100.0,
      "PerformedProcedureStepStartTime": "162758.078000",
      "PhotometricInterpretation": "MONOCHROME2",
      "PixelBandwidth": 528.0,
      "PixelRepresentation": 0,
      "PixelSpacing": [4.0, 4.0],
      "PositionReferenceIndicator": "",
      "ProtocolName": "gre_field_mapping_4x4x4_32",
      "RepetitionTime": 667.0,
      "RescaleIntercept": -4096.0,
      "RescaleSlope": 2.0,
      "RescaleType": "US",
      "Rows": 64,
      "SAR": 0.14911148491608,
      "SamplesPerPixel": 1,
      "ScanningSequence": "GR",
      "SequenceName": "*fm2d2r",
      "SequenceVariant": "SP",
      "SeriesDescription": "gre_field_mapping_4x4x4_32",
      "SeriesNumber": 13,
      "SeriesTime": "173427.734000",
      "SliceThickness": 4.0,
      "SoftwareVersions": "syngo MR B17",
      "SpacingBetweenSlices": 4.0,
      "SpecificCharacterSet": "ISO_IR 100",
      "StudyID": "1",
      "StudyTime": "162758.015000",
      "TransmitCoilName": "Body",
      "VariableFlipAngleFlag": "N",
      "WindowCenterWidthExplanation": "Algo1",
      "dBdt": 0.0},
