{
  "bids_meta": {
    "AcquisitionMatrixPE": 224,
    "AcquisitionNumber": 1,
    "AcquisitionTime": "08:48:4.832500",
    "BaseResolution": 256,
    "BodyPartExamined": "HEAD",
    "ConversionSoftware": "dcm2niix",
    "ConversionSoftwareVersion": "v1.0.20171017 GCC6.3.0",
    "DeviceSerialNumber": "35177",
    "DwellTime": 3e-06,
    "EchoTime": 0.00174,
    "FlipAngle": 7,
    "ImageOrientationPatientDICOM": [
      0.04739,
      0.930992,
      0.36195,
      0.0572253,
      0.359232,
      -0.931492
    ],
    "ImageType": [
      "ORIGINAL",
      "PRIMARY",
      "OTHER",
      "ND",
      "NORM",
      "MEAN"
    ],
    "InPlanePhaseEncodingDirectionDICOM": "ROW",
    "InstitutionAddress": "Scott_Ave._4525_St._Louis_MO_US_63110",
    "InstitutionName": "Washington_University",
    "InstitutionalDepartmentName": "Department",
    "MRAcquisitionType": "3D",
    "MagneticFieldStrength": 3,
    "Manufacturer": "Siemens",
    "ManufacturersModelName": "TrioTim",
    "Modality": "MR",
    "ParallelReductionFactorInPlane": 2,
    "PartialFourier": 1,
    "PatientPosition": "HFS",
    "PercentPhaseFOV": 87.5,
    "PhaseEncodingSteps": 223,
    "PhaseResolution": 1,
    "PixelBandwidth": 651,
    "ProcedureStepDescription": "head_GREENE",
    "ProtocolName": "tfl-multiecho-epinav-711_new_FOV",
    "PulseSequenceDetails": "%CustomerSeq%_WIP711_Moco_tfl_multiecho_epinav_711",
    "ReceiveCoilName": "HeadMatrix",
    "ReconMatrixPE": 256,
    "RepetitionTime": 2.53,
    "SAR": 0.0865316,
    "ScanOptions": "IR",
    "ScanningSequence": "GR_IR",
    "SequenceName": "Moco3d4_ns",
    "SequenceVariant": "SP_MP",
    "SeriesDescription": "tfl-multiecho-epinav-711_new_FOV_RMS",
    "SeriesNumber": 18,
    "ShimSetting": [
      -207,
      -18758,
      7391,
      -134,
      -18,
      1558,
      802,
      -63
    ],
    "SliceThickness": 1,
    "SoftwareVersions": "syngo_MR_B17",
    "StationName": "MRC35177",
    "TxRefAmp": 345.106,
    "dcmmeta_affine": [
      [
        0.997235894203186,
        0.04739001393318176,
        0.05722526088356972,
        -100.39969635009766
      ],
      [
        -0.06485612690448761,
        0.9309921264648438,
        0.3592316508293152,
        -127.26431274414062
      ],
      [
        -0.03625227510929108,
        -0.3619500994682312,
        0.931492269039154,
        -60.237586975097656
      ],
      [
        0.0,
        0.0,
        0.0,
        1.0
      ]
    ],
    "dcmmeta_reorient_transform": [
      [
        0.0,
        0.0,
        -1.0,
        255.0
      ],
      [
        0.0,
        -1.0,
        0.0,
        223.0
      ],
      [
        -1.0,
        0.0,
        0.0,
        175.0
      ],
      [
        0.0,
        0.0,
        0.0,
        1.0
      ]
    ],
    "dcmmeta_shape": [
      176,
      224,
      256
    ],
    "dcmmeta_slice_dim": 0,
    "dcmmeta_version": 0.6,
    "global": {
      "const": {
        "AccessionNumber": ".",
        "AcquisitionMatrix": [
          0,
          256,
          224,
          0
        ],
        "AcquisitionNumber": 1,
        "AcquisitionTime": "084804.832500",
        "AngioFlag": "N",
        "BitsAllocated": 16,
        "BitsStored": 12,
        "BodyPartExamined": "HEAD",
        "Columns": 224,
        "DeidentificationMethodCodeSequence": [
          {
            "CodeMeaning": "XNAT Edit Script",
            "CodeValue": "625500",
            "CodingSchemeDesignator": "XNAT",
            "CodingSchemeVersion": "0.1"
          }
        ],
        "EchoNumbers": 1,
        "EchoTime": 1.74,
        "EchoTrainLength": 1,
        "FlipAngle": 7.0,
        "HighBit": 11,
        "ImageOrientationPatient": [
          0.04739001540759,
          0.9309921116039,
          0.36195009955929,
          0.05722526256372,
          0.35923164023085,
          -0.9314922962545
        ],
        "ImageType": [
          "ORIGINAL",
          "PRIMARY",
          "OTHER",
          "ND",
          "NORM",
          "MEAN"
        ],
        "ImagedNucleus": "1H",
        "ImagingFrequency": 123.256191,
        "InPlanePhaseEncodingDirection": "ROW",
        "MRAcquisitionType": "3D",
        "MagneticFieldStrength": 3.0,
        "Manufacturer": "SIEMENS",
        "ManufacturerModelName": "TrioTim",
        "Modality": "MR",
        "NumberOfAverages": 4.0,
        "NumberOfPhaseEncodingSteps": 223,
        "PercentPhaseFieldOfView": 87.5,
        "PercentSampling": 100.0,
        "PerformedProcedureStepStartTime": "074016.093000",
        "PhotometricInterpretation": "MONOCHROME2",
        "PixelBandwidth": 651.0,
        "PixelRepresentation": 0,
        "PixelSpacing": [
          1.0,
          1.0
        ],
        "PositionReferenceIndicator": "",
        "ProtocolName": "tfl-multiecho-epinav-711_new_FOV",
        "RepetitionTime": 2530.0,
        "Rows": 256,
        "SAR": 0.08653158775068,
        "SamplesPerPixel": 1,
        "ScanOptions": "IR",
        "ScanningSequence": [
          "GR",
          "IR"
        ],
        "SequenceName": "Moco3d4_ns",
        "SequenceVariant": [
          "SP",
          "MP"
        ],
        "SeriesDescription": "tfl-multiecho-epinav-711_new_FOV RMS",
        "SeriesNumber": 18,
        "SeriesTime": "085747.203000",
        "SliceThickness": 1.0,
        "SmallestImagePixelValue": 0,
        "SoftwareVersions": "syngo MR B17",
        "SpecificCharacterSet": "ISO_IR 100",
        "StudyID": "1",
        "StudyTime": "074016.046000",
        "TransmitCoilName": "Body",
        "VariableFlipAngleFlag": "N",
        "WindowCenterWidthExplanation": "Algo1",
        "dBdt": 0.0
      },
