{
  "AcquisitionMatrixPE": 224,
  "AcquisitionNumber": 1,
  "AcquisitionTime": "17:49:20.377500",
  "BaseResolution": 256,
  "BodyPartExamined": "HEAD",
  "ConversionSoftware": "dcm2niix",
  "ConversionSoftwareVersion": "v1.0.20171017 GCC6.3.0",
  "DeviceSerialNumber": "35177",
  "DwellTime": 3e-06,
  "EchoTime": 0.00174,
  "FlipAngle": 7,
  "ImageOrientationPatientDICOM": [-0.0755779, 0.878348, 0.472009, -0.110327, 0.463091, -0.879417],
  "ImageType": [
    "ORIGINAL",
    "PRIMARY",
    "OTHER",
    "ND",
    "NORM",
    "MEAN"
],
  "InPlanePhaseEncodingDirectionDICOM": "ROW",
  "InstitutionAddress": "Scott_Ave._4525_St._Louis_MO_US_63110",
  "InstitutionName": "Washington_University",
  "InstitutionalDepartmentName": "Department",
  "MRAcquisitionType": "3D",
  "MagneticFieldStrength": 3,
  "Manufacturer": "Siemens",
  "ManufacturersModelName": "TrioTim",
  "Modality": "MR",
  "ParallelReductionFactorInPlane": 2,
  "PartialFourier": 1,
  "PatientPosition": "HFS",
  "PercentPhaseFOV": 87.5,
  "PhaseEncodingSteps": 223,
  "PhaseResolution": 1,
  "PixelBandwidth": 651,
  "ProcedureStepDescription": "head_GREENE",
  "ProtocolName": "tfl-multiecho-epinav-711_new_FOV",
  "PulseSequenceDetails": "%CustomerSeq%_WIP711_Moco_tfl_multiecho_epinav_711",
  "ReceiveCoilName": "HeadMatrix",
  "ReconMatrixPE": 256,
  "RepetitionTime": 2.53,
  "SAR": 0.0754481,
  "ScanOptions": "IR",
  "ScanningSequence": "GR_IR",
  "SequenceName": "Moco3d4_ns",
  "SequenceVariant": "SP_MP",
  "SeriesDescription": "tfl-multiecho-epinav-711_new_FOV_RMS",
  "SeriesNumber": 16,
  "ShimSetting": [-302, -19651, 8020, 449, 13, -18, 595, 1],
  "SliceThickness": 1,
  "SoftwareVersions": "syngo_MR_B17",
  "StationName": "MRC35177",
  "TxRefAmp": 351.345,
  "dcmmeta_affine": [
    [0.9910175800323486, -0.07557789981365204, -0.11032730340957642, -68.68294525146484],
    [0.11854001879692078, 0.8783479928970337, 0.463090717792511, -159.694091796875],
    [0.06190634146332741, -0.47200924158096313, 0.879417359828949, -52.43440628051758],
    [0.0, 0.0, 0.0, 1.0]
],
  "dcmmeta_reorient_transform": [
    [0.0, 0.0, -1.0, 255.0],
    [0.0, -1.0, 0.0, 223.0],
    [-1.0, 0.0, 0.0, 175.0],
    [0.0, 0.0, 0.0, 1.0]
],
  "dcmmeta_shape": [176, 224, 256],
  "dcmmeta_slice_dim": 0,
  "dcmmeta_version": 0.6,
  "global": {
    "const": {
      "AccessionNumber": ".",
      "AcquisitionMatrix": [0, 256, 224, 0],
      "AcquisitionNumber": 1,
      "AcquisitionTime": "174920.377500",
      "AngioFlag": "N",
      "BitsAllocated": 16,
      "BitsStored": 12,
      "BodyPartExamined": "HEAD",
      "Columns": 224,
      "DeidentificationMethodCodeSequence": [
        {
          "CodeMeaning": "XNAT Edit Script",
          "CodeValue": "625500",
          "CodingSchemeDesignator": "XNAT",
          "CodingSchemeVersion": "0.1"}
],
      "EchoNumbers": 1,
      "EchoTime": 1.74,
      "EchoTrainLength": 1,
      "FlipAngle": 7.0,
      "HighBit": 11,
      "ImageOrientationPatient": [-0.0755778986389, 0.87834801942026, 0.47200925628407, -0.1103273005537, 0.46309072540185, -0.8794173450639],
      "ImageType": [
        "ORIGINAL",
        "PRIMARY",
        "OTHER",
        "ND",
        "NORM",
        "MEAN"
],
      "ImagedNucleus": "1H",
      "ImagingFrequency": 123.256147,
      "InPlanePhaseEncodingDirection": "ROW",
      "MRAcquisitionType": "3D",
      "MagneticFieldStrength": 3.0,
      "Manufacturer": "SIEMENS",
      "ManufacturerModelName": "TrioTim",
      "Modality": "MR",
      "NumberOfAverages": 4.0,
      "NumberOfPhaseEncodingSteps": 223,
      "PercentPhaseFieldOfView": 87.5,
      "PercentSampling": 100.0,
      "PerformedProcedureStepStartTime": "163246.328000",
      "PhotometricInterpretation": "MONOCHROME2",
      "PixelBandwidth": 651.0,
      "PixelRepresentation": 0,
      "PixelSpacing": [1.0, 1.0],
      "PositionReferenceIndicator": "",
      "ProtocolName": "tfl-multiecho-epinav-711_new_FOV",
      "RepetitionTime": 2530.0,
      "Rows": 256,
      "SAR": 0.07544814349466,
      "SamplesPerPixel": 1,
      "ScanOptions": "IR",
      "ScanningSequence": [
        "GR",
        "IR"
],
      "SequenceName": "Moco3d4_ns",
      "SequenceVariant": [
        "SP",
        "MP"
],
      "SeriesDescription": "tfl-multiecho-epinav-711_new_FOV RMS",
      "SeriesNumber": 16,
      "SeriesTime": "175334.921000",
      "SliceThickness": 1.0,
      "SmallestImagePixelValue": 0,
      "SoftwareVersions": "syngo MR B17",
      "SpecificCharacterSet": "ISO_IR 100",
      "StudyID": "1",
      "StudyTime": "163246.281000",
      "TransmitCoilName": "Body",
      "VariableFlipAngleFlag": "N",
      "WindowCenterWidthExplanation": "Algo1",
      "dBdt": 0.0},
