{
  "AcquisitionMatrixPE": 64,
  "AcquisitionNumber": 1,
  "AcquisitionTime": "14:29:51.880000",
  "BandwidthPerPixelPhaseEncode": 26.483,
  "BaseResolution": 64,
  "BodyPartExamined": "HEAD",
  "ConversionSoftware": "dcm2niix",
  "ConversionSoftwareVersion": "v1.0.20171017 GCC6.3.0",
  "DerivedVendorReportedEchoSpacing": 0.000590001,
  "DeviceSerialNumber": "35177",
  "DwellTime": 4.1e-06,
  "EchoTime": 0.027,
  "EffectiveEchoSpacing": 0.000590001,
  "FlipAngle": 90,
  "ImageOrientationPatientDICOM": [0.998027, 0.0455957, 0.0431735, -0.056165, 0.955658, 0.289074],
  "ImageType": [
    "ORIGINAL",
    "PRIMARY",
    "M",
    "ND",
    "NORM",
    "MOSAIC"
],
  "InPlanePhaseEncodingDirectionDICOM": "COL",
  "InstitutionAddress": "Scott_Ave._4525_St._Louis_MO_US_63110",
  "InstitutionName": "Washington_University",
  "InstitutionalDepartmentName": "Department",
  "MRAcquisitionType": "2D",
  "MagneticFieldStrength": 3,
  "Manufacturer": "Siemens",
  "ManufacturersModelName": "TrioTim",
  "Modality": "MR",
  "PartialFourier": 1,
  "PatientPosition": "HFS",
  "PercentPhaseFOV": 100,
  "PhaseEncodingDirection": "j-",
  "PhaseEncodingSteps": 64,
  "PhaseResolution": 1,
  "PixelBandwidth": 1905,
  "ProcedureStepDescription": "head_GREENE",
  "ProtocolName": "ep2d_bold_ad_rest",
  "PulseSequenceDetails": "%SiemensSeq%_ep2d_bold",
  "ReceiveCoilName": "HeadMatrix",
  "ReconMatrixPE": 64,
  "RepetitionTime": 2.5,
  "SAR": 0.15792,
  "ScanOptions": "FS",
  "ScanningSequence": "EP",
  "SequenceName": "_epfid2d1_64",
  "SequenceVariant": "SK",
  "SeriesDescription": "ep2d_bold_ad_rest",
  "SeriesNumber": 11,
  "ShimSetting": [-212, -19588, 8007, 441, 122, -326, -139, -25],
  "SliceThickness": 4,
  "SliceTiming": [1.2525, 0, 1.3325, 0.0775, 1.41, 0.155, 1.49, 0.235, 1.5675, 0.3125, 1.645, 0.39, 1.725, 0.47, 1.8025, 0.5475, 1.88, 0.625, 1.96, 0.705, 2.0375, 0.7825, 2.115, 0.8625, 2.195, 0.94, 2.2725, 1.0175, 2.3525, 1.0975, 2.43, 1.175],
  "SoftwareVersions": "syngo_MR_B17",
  "SpacingBetweenSlices": 4,
  "StationName": "MRC35177",
  "TaskName": "restfixationadaptive",
  "TotalReadoutTime": 0.0371701,
  "TxRefAmp": 343.009,
  "dcmmeta_affine": [
    [-3.9921064376831055, -0.22466008365154266, 0.11231432110071182, 136.10104370117188],
    [-0.18238267302513123, 3.8226311206817627, 1.163712739944458, -115.7879638671875],
    [0.17269401252269745, -1.1562951803207397, 3.825331211090088, 13.105631828308105],
    [0.0, 0.0, 0.0, 1.0]
],
  "dcmmeta_reorient_transform": [
    [0.0, -1.0, 0.0, 63.0],
    [1.0, 0.0, 0.0, 0.0],
    [0.0, 0.0, 1.0, 0.0],
    [0.0, 0.0, 0.0, 1.0]
],
  "dcmmeta_shape": [64, 64, 32, 164],
  "dcmmeta_slice_dim": 2,
  "dcmmeta_version": 0.6,
  "global": {
    "const": {
      "AccessionNumber": ".",
      "AcquisitionMatrix": [64, 0, 0, 64],
      "AngioFlag": "N",
      "BitsAllocated": 16,
      "BitsStored": 12,
      "BodyPartExamined": "HEAD",
      "Columns": 384,
      "DeidentificationMethodCodeSequence": [
        {
          "CodeMeaning": "XNAT Edit Script",
          "CodeValue": "625500",
          "CodingSchemeDesignator": "XNAT",
          "CodingSchemeVersion": "0.1"}
],
      "EchoNumbers": 1,
      "EchoTime": 27.0,
      "EchoTrainLength": 1,
      "FlipAngle": 90.0,
      "HighBit": 11,
      "ImageOrientationPatient": [0.99802659465083, 0.04559566974834, 0.04317350194114, -0.0561650222241, 0.95565779658628, 0.28907380736141],
      "ImagePositionPatient": [-724.73886697266, -765.84002010473, -272.37924569341],
      "ImageType": [
        "ORIGINAL",
        "PRIMARY",
        "M",
        "ND",
        "NORM",
        "MOSAIC"
],
      "ImagedNucleus": "1H",
      "ImagingFrequency": 123.255869,
      "InPlanePhaseEncodingDirection": "COL",
      "MRAcquisitionType": "2D",
      "MagneticFieldStrength": 3.0,
      "Manufacturer": "SIEMENS",
      "ManufacturerModelName": "TrioTim",
      "Modality": "MR",
      "NumberOfAverages": 1.0,
      "NumberOfPhaseEncodingSteps": 64,
      "PercentPhaseFieldOfView": 100.0,
      "PercentSampling": 100.0,
      "PerformedProcedureStepStartTime": "133256.609000",
      "PhotometricInterpretation": "MONOCHROME2",
      "PixelBandwidth": 1905.0,
      "PixelRepresentation": 0,
      "PixelSpacing": [4.0, 4.0],
      "PositionReferenceIndicator": "",
      "ProtocolName": "ep2d_bold_ad_rest",
      "RepetitionTime": 2500.0,
      "Rows": 384,
      "SAR": 0.15792030170501,
      "SamplesPerPixel": 1,
      "ScanOptions": "FS",
      "ScanningSequence": "EP",
      "SequenceName": "*epfid2d1_64",
      "SequenceVariant": "SK",
      "SeriesDescription": "ep2d_bold_ad_rest",
      "SeriesNumber": 11,
      "SeriesTime": "142954.484000",
      "SliceLocation": -17.331113037268,
      "SliceThickness": 4.0,
      "SmallestImagePixelValue": 0,
      "SoftwareVersions": "syngo MR B17",
      "SpacingBetweenSlices": 4.0000001477151,
      "SpecificCharacterSet": "ISO_IR 100",
      "StudyID": "1",
      "StudyTime": "133256.562000",
      "TransmitCoilName": "Body",
      "VariableFlipAngleFlag": "N",
      "WindowCenterWidthExplanation": "Algo1",
      "dBdt": 0.0},
